RESTRICTION: || (== net8.0) (== netstandard2.0)
NUGET
  remote: https://api.nuget.org/v3/index.json
    FSharp.Core (6.0.7)
    FSharp.SystemTextJson (1.3.13)
      FSharp.Core (>= 4.7)
      System.Text.Json (>= 6.0)
    Microsoft.Bcl.AsyncInterfaces (9.0.1) - restriction: || (&& (== net8.0) (>= net461)) (&& (== net8.0) (< netcoreapp3.1)) (== netstandard2.0)
      System.Threading.Tasks.Extensions (>= 4.5.4) - restriction: || (&& (== net8.0) (>= net462)) (&& (== net8.0) (< netstandard2.1)) (== netstandard2.0)
    Microsoft.OpenApi (1.6.23)
    Microsoft.OpenApi.Readers (1.6.23)
      Microsoft.OpenApi (>= 1.6.23)
      SharpYaml (>= 2.1.1)
    NETStandard.Library.NETFramework (2.0.0-preview2-25405-01)
    SharpYaml (2.1.1)
    System.Buffers (4.6) - restriction: || (&& (== net8.0) (>= net461)) (&& (== net8.0) (>= net462)) (&& (== net8.0) (< netcoreapp2.1)) (&& (== net8.0) (< netcoreapp3.1)) (== netstandard2.0)
    System.Memory (4.6) - restriction: || (&& (== net8.0) (>= net461)) (&& (== net8.0) (>= net462)) (&& (== net8.0) (< net6.0)) (&& (== net8.0) (< netcoreapp3.1)) (== netstandard2.0)
      System.Buffers (>= 4.6) - restriction: || (&& (== net8.0) (>= net462)) (&& (== net8.0) (< netcoreapp2.1)) (== netstandard2.0)
      System.Numerics.Vectors (>= 4.6) - restriction: || (&& (== net8.0) (>= net462)) (&& (== net8.0) (< netcoreapp2.1)) (== netstandard2.0)
      System.Runtime.CompilerServices.Unsafe (>= 6.1) - restriction: || (&& (== net8.0) (>= net462)) (&& (== net8.0) (< netcoreapp2.1)) (== netstandard2.0)
    System.Numerics.Vectors (4.6) - restriction: || (&& (== net8.0) (>= net461)) (&& (== net8.0) (>= net462)) (&& (== net8.0) (< netcoreapp2.1)) (&& (== net8.0) (< netcoreapp3.1)) (== netstandard2.0)
    System.Runtime.CompilerServices.Unsafe (6.1) - restriction: || (&& (== net8.0) (>= net461)) (&& (== net8.0) (>= net462)) (&& (== net8.0) (< net6.0)) (&& (== net8.0) (< netcoreapp2.1)) (&& (== net8.0) (< netcoreapp3.1)) (== netstandard2.0)
    System.Text.Encodings.Web (9.0.1) - restriction: || (&& (== net8.0) (>= net461)) (&& (== net8.0) (< net6.0)) (&& (== net8.0) (< netcoreapp3.1)) (== netstandard2.0)
      System.Buffers (>= 4.5.1) - restriction: || (&& (== net8.0) (>= net462)) (== netstandard2.0)
      System.Memory (>= 4.5.5) - restriction: || (&& (== net8.0) (>= net462)) (== netstandard2.0)
      System.Runtime.CompilerServices.Unsafe (>= 6.0) - restriction: || (&& (== net8.0) (>= net462)) (== netstandard2.0)
    System.Text.Json (6.0.11)
      Microsoft.Bcl.AsyncInterfaces (>= 6.0) - restriction: || (&& (== net8.0) (>= net461)) (&& (== net8.0) (< netcoreapp3.1)) (== netstandard2.0)
      System.Buffers (>= 4.5.1) - restriction: || (&& (== net8.0) (>= net461)) (&& (== net8.0) (< netcoreapp3.1)) (== netstandard2.0)
      System.Memory (>= 4.5.4) - restriction: || (&& (== net8.0) (>= net461)) (&& (== net8.0) (< netcoreapp3.1)) (== netstandard2.0)
      System.Numerics.Vectors (>= 4.5) - restriction: || (&& (== net8.0) (>= net461)) (&& (== net8.0) (< netcoreapp3.1)) (== netstandard2.0)
      System.Runtime.CompilerServices.Unsafe (>= 6.0) - restriction: || (&& (== net8.0) (>= net461)) (&& (== net8.0) (< net6.0)) (&& (== net8.0) (< netcoreapp3.1)) (== netstandard2.0)
      System.Text.Encodings.Web (>= 6.0.1) - restriction: || (&& (== net8.0) (>= net461)) (&& (== net8.0) (< net6.0)) (&& (== net8.0) (< netcoreapp3.1)) (== netstandard2.0)
      System.Threading.Tasks.Extensions (>= 4.5.4) - restriction: || (&& (== net8.0) (>= net461)) (&& (== net8.0) (< netcoreapp3.1)) (== netstandard2.0)
    System.Threading.Tasks.Extensions (4.6) - restriction: || (&& (== net8.0) (>= net461)) (&& (== net8.0) (< netcoreapp3.1)) (== netstandard2.0)
      System.Runtime.CompilerServices.Unsafe (>= 6.1) - restriction: || (&& (== net8.0) (>= net462)) (&& (== net8.0) (< netcoreapp2.1)) (== netstandard2.0)
    YamlDotNet (16.3)
GITHUB
  remote: fsprojects/FSharp.TypeProviders.SDK
    src/ProvidedTypes.fs (b965f9485545d308ced1cde3779c9e66a2a298f2)
    src/ProvidedTypes.fsi (b965f9485545d308ced1cde3779c9e66a2a298f2)
  remote: fsprojects/FSharp.Data
    src/FSharp.Data.Runtime.Utilities/NameUtils.fs (09165171f0c4a5e322bd47317f809bd771f5be49)
    src/FSharp.Data.Runtime.Utilities/Pluralizer.fs (09165171f0c4a5e322bd47317f809bd771f5be49)
GROUP Server
RESTRICTION: == net9.0
NUGET
  remote: https://api.nuget.org/v3/index.json
    FSharp.Core (9.0.101)
    Microsoft.AspNetCore (2.3)
      Microsoft.AspNetCore.Diagnostics (>= 2.3)
      Microsoft.AspNetCore.HostFiltering (>= 2.3)
      Microsoft.AspNetCore.Hosting (>= 2.3)
      Microsoft.AspNetCore.Routing (>= 2.3)
      Microsoft.AspNetCore.Server.IISIntegration (>= 2.3)
      Microsoft.AspNetCore.Server.Kestrel (>= 2.3)
      Microsoft.AspNetCore.Server.Kestrel.Core (>= 2.3)
      Microsoft.AspNetCore.Server.Kestrel.Https (>= 2.3)
      Microsoft.Extensions.Configuration.CommandLine (>= 8.0)
      Microsoft.Extensions.Configuration.EnvironmentVariables (>= 8.0)
      Microsoft.Extensions.Configuration.FileExtensions (>= 8.0.1)
      Microsoft.Extensions.Configuration.Json (>= 8.0.1)
      Microsoft.Extensions.Configuration.UserSecrets (>= 8.0.1)
      Microsoft.Extensions.Logging (>= 8.0.1)
      Microsoft.Extensions.Logging.Configuration (>= 8.0.1)
      Microsoft.Extensions.Logging.Console (>= 8.0.1)
      Microsoft.Extensions.Logging.Debug (>= 8.0.1)
    Microsoft.AspNetCore.Antiforgery (2.3)
      Microsoft.AspNetCore.DataProtection (>= 2.3)
      Microsoft.AspNetCore.Http.Abstractions (>= 2.3)
      Microsoft.AspNetCore.Http.Extensions (>= 2.3)
      Microsoft.AspNetCore.WebUtilities (>= 2.3)
      Microsoft.Extensions.ObjectPool (>= 8.0.11)
    Microsoft.AspNetCore.Authentication.Abstractions (2.3)
      Microsoft.AspNetCore.Http.Abstractions (>= 2.3)
      Microsoft.Extensions.Logging.Abstractions (>= 8.0.2)
      Microsoft.Extensions.Options (>= 8.0.2)
    Microsoft.AspNetCore.Authentication.Core (2.3)
      Microsoft.AspNetCore.Authentication.Abstractions (>= 2.3)
      Microsoft.AspNetCore.Http (>= 2.3)
      Microsoft.AspNetCore.Http.Extensions (>= 2.3)
    Microsoft.AspNetCore.Authorization (9.0.1)
      Microsoft.AspNetCore.Metadata (>= 9.0.1)
      Microsoft.Extensions.Logging.Abstractions (>= 9.0.1)
      Microsoft.Extensions.Options (>= 9.0.1)
    Microsoft.AspNetCore.Authorization.Policy (2.3)
      Microsoft.AspNetCore.Authentication.Abstractions (>= 2.3)
      Microsoft.AspNetCore.Authorization (>= 2.3)
    Microsoft.AspNetCore.Connections.Abstractions (9.0.1)
      Microsoft.Extensions.Features (>= 9.0.1)
    Microsoft.AspNetCore.Cors (2.3)
      Microsoft.AspNetCore.Http.Extensions (>= 2.3)
      Microsoft.Extensions.Configuration.Abstractions (>= 8.0)
      Microsoft.Extensions.DependencyInjection.Abstractions (>= 8.0.2)
      Microsoft.Extensions.Logging.Abstractions (>= 8.0.2)
      Microsoft.Extensions.Options (>= 8.0.2)
    Microsoft.AspNetCore.Cryptography.Internal (9.0.1)
    Microsoft.AspNetCore.DataProtection (9.0.1)
      Microsoft.AspNetCore.Cryptography.Internal (>= 9.0.1)
      Microsoft.AspNetCore.DataProtection.Abstractions (>= 9.0.1)
      Microsoft.Extensions.DependencyInjection.Abstractions (>= 9.0.1)
      Microsoft.Extensions.Hosting.Abstractions (>= 9.0.1)
      Microsoft.Extensions.Logging.Abstractions (>= 9.0.1)
      Microsoft.Extensions.Options (>= 9.0.1)
      System.Security.Cryptography.Xml (>= 9.0.1)
    Microsoft.AspNetCore.DataProtection.Abstractions (9.0.1)
    Microsoft.AspNetCore.Diagnostics (2.3)
      Microsoft.AspNetCore.Diagnostics.Abstractions (>= 2.3)
      Microsoft.AspNetCore.Hosting.Abstractions (>= 2.3)
      Microsoft.AspNetCore.Http.Extensions (>= 2.3)
      Microsoft.AspNetCore.WebUtilities (>= 2.3)
      Microsoft.Extensions.FileProviders.Physical (>= 8.0)
      Microsoft.Extensions.Logging.Abstractions (>= 8.0.2)
      Microsoft.Extensions.Options (>= 8.0.2)
      System.Diagnostics.DiagnosticSource (>= 8.0.1)
      System.Reflection.Metadata (>= 8.0.1)
    Microsoft.AspNetCore.Diagnostics.Abstractions (2.3)
    Microsoft.AspNetCore.HostFiltering (2.3)
      Microsoft.AspNetCore.Hosting.Abstractions (>= 2.3)
      Microsoft.AspNetCore.Http (>= 2.3)
      Microsoft.AspNetCore.Http.Extensions (>= 2.3)
      Microsoft.Extensions.Options (>= 8.0.2)
    Microsoft.AspNetCore.Hosting (2.3)
      Microsoft.AspNetCore.Hosting.Abstractions (>= 2.3)
      Microsoft.AspNetCore.Http (>= 2.3)
      Microsoft.AspNetCore.Http.Extensions (>= 2.3)
      Microsoft.Extensions.Configuration (>= 8.0)
      Microsoft.Extensions.Configuration.EnvironmentVariables (>= 8.0)
      Microsoft.Extensions.Configuration.FileExtensions (>= 8.0.1)
      Microsoft.Extensions.DependencyInjection (>= 8.0.1)
      Microsoft.Extensions.FileProviders.Physical (>= 8.0)
      Microsoft.Extensions.Hosting.Abstractions (>= 8.0.1)
      Microsoft.Extensions.Logging (>= 8.0.1)
      Microsoft.Extensions.Logging.Debug (>= 8.0.1)
      Microsoft.Extensions.Options (>= 8.0.2)
      System.Diagnostics.DiagnosticSource (>= 8.0.1)
      System.Reflection.Metadata (>= 8.0.1)
    Microsoft.AspNetCore.Hosting.Abstractions (2.3)
      Microsoft.AspNetCore.Hosting.Server.Abstractions (>= 2.3)
      Microsoft.AspNetCore.Http.Abstractions (>= 2.3)
      Microsoft.Extensions.Hosting.Abstractions (>= 8.0.1)
    Microsoft.AspNetCore.Hosting.Server.Abstractions (2.3)
      Microsoft.AspNetCore.Http.Features (>= 2.3)
      Microsoft.Extensions.Configuration.Abstractions (>= 8.0)
    Microsoft.AspNetCore.Html.Abstractions (2.3)
      System.Text.Encodings.Web (>= 8.0)
    Microsoft.AspNetCore.Http (2.3)
      Microsoft.AspNetCore.Http.Abstractions (>= 2.3)
      Microsoft.AspNetCore.WebUtilities (>= 2.3)
      Microsoft.Extensions.ObjectPool (>= 8.0.11)
      Microsoft.Extensions.Options (>= 8.0.2)
      Microsoft.Net.Http.Headers (>= 2.3)
    Microsoft.AspNetCore.Http.Abstractions (2.3)
      Microsoft.AspNetCore.Http.Features (>= 2.3)
      System.Text.Encodings.Web (>= 8.0)
    Microsoft.AspNetCore.Http.Extensions (2.3)
      Microsoft.AspNetCore.Http.Abstractions (>= 2.3)
      Microsoft.Extensions.FileProviders.Abstractions (>= 8.0)
      Microsoft.Net.Http.Headers (>= 2.3)
      System.Buffers (>= 4.6)
    Microsoft.AspNetCore.Http.Features (5.0.17)
      Microsoft.Extensions.Primitives (>= 5.0.1)
      System.IO.Pipelines (>= 5.0.2)
    Microsoft.AspNetCore.HttpOverrides (2.3)
      Microsoft.AspNetCore.Http.Extensions (>= 2.3)
      Microsoft.Extensions.Logging.Abstractions (>= 8.0.2)
      Microsoft.Extensions.Options (>= 8.0.2)
    Microsoft.AspNetCore.HttpsPolicy (2.3)
      Microsoft.AspNetCore.Hosting.Abstractions (>= 2.3)
      Microsoft.AspNetCore.Http (>= 2.3)
      Microsoft.AspNetCore.Http.Extensions (>= 2.3)
      Microsoft.Extensions.Configuration.Binder (>= 8.0.2)
      Microsoft.Extensions.Options (>= 8.0.2)
    Microsoft.AspNetCore.JsonPatch (9.0.1)
      Microsoft.CSharp (>= 4.7)
      Newtonsoft.Json (>= 13.0.3)
    Microsoft.AspNetCore.Localization (2.3)
      Microsoft.AspNetCore.Http.Extensions (>= 2.3)
      Microsoft.Extensions.Localization.Abstractions (>= 8.0.11)
      Microsoft.Extensions.Logging.Abstractions (>= 8.0.2)
      Microsoft.Extensions.Options (>= 8.0.2)
    Microsoft.AspNetCore.Metadata (9.0.1)
    Microsoft.AspNetCore.Mvc (2.3)
      Microsoft.AspNetCore.Mvc.ApiExplorer (>= 2.3)
      Microsoft.AspNetCore.Mvc.Cors (>= 2.3)
      Microsoft.AspNetCore.Mvc.DataAnnotations (>= 2.3)
      Microsoft.AspNetCore.Mvc.Formatters.Json (>= 2.3)
      Microsoft.AspNetCore.Mvc.Localization (>= 2.3)
      Microsoft.AspNetCore.Mvc.Razor.Extensions (>= 2.3)
      Microsoft.AspNetCore.Mvc.RazorPages (>= 2.3)
      Microsoft.AspNetCore.Mvc.TagHelpers (>= 2.3)
      Microsoft.AspNetCore.Mvc.ViewFeatures (>= 2.3)
      Microsoft.AspNetCore.Razor.Design (>= 2.3)
      Microsoft.Extensions.Caching.Memory (>= 8.0.1)
      Microsoft.Extensions.DependencyInjection (>= 8.0.1)
    Microsoft.AspNetCore.Mvc.Abstractions (2.3)
      Microsoft.AspNetCore.Routing.Abstractions (>= 2.3)
      Microsoft.Net.Http.Headers (>= 2.3)
    Microsoft.AspNetCore.Mvc.ApiExplorer (2.3)
      Microsoft.AspNetCore.Mvc.Core (>= 2.3)
    Microsoft.AspNetCore.Mvc.Core (2.3)
      Microsoft.AspNetCore.Authentication.Core (>= 2.3)
      Microsoft.AspNetCore.Authorization.Policy (>= 2.3)
      Microsoft.AspNetCore.Hosting.Abstractions (>= 2.3)
      Microsoft.AspNetCore.Http (>= 2.3)
      Microsoft.AspNetCore.Http.Extensions (>= 2.3)
      Microsoft.AspNetCore.Mvc.Abstractions (>= 2.3)
      Microsoft.AspNetCore.ResponseCaching.Abstractions (>= 2.3)
      Microsoft.AspNetCore.Routing (>= 2.3)
      Microsoft.Extensions.DependencyInjection (>= 8.0.1)
      Microsoft.Extensions.DependencyModel (>= 2.1)
      Microsoft.Extensions.FileProviders.Abstractions (>= 8.0)
      Microsoft.Extensions.Logging.Abstractions (>= 8.0.2)
      System.Diagnostics.DiagnosticSource (>= 8.0.1)
      System.Threading.Tasks.Extensions (>= 4.6)
    Microsoft.AspNetCore.Mvc.Cors (2.3)
      Microsoft.AspNetCore.Cors (>= 2.3)
      Microsoft.AspNetCore.Mvc.Core (>= 2.3)
    Microsoft.AspNetCore.Mvc.DataAnnotations (2.3)
      Microsoft.AspNetCore.Mvc.Core (>= 2.3)
      Microsoft.Extensions.Localization (>= 8.0.11)
      System.ComponentModel.Annotations (>= 5.0)
    Microsoft.AspNetCore.Mvc.Formatters.Json (2.3)
      Microsoft.AspNetCore.JsonPatch (>= 2.3)
      Microsoft.AspNetCore.Mvc.Core (>= 2.3)
    Microsoft.AspNetCore.Mvc.Localization (2.3)
      Microsoft.AspNetCore.Localization (>= 2.3)
      Microsoft.AspNetCore.Mvc.Razor (>= 2.3)
      Microsoft.Extensions.DependencyInjection (>= 8.0.1)
      Microsoft.Extensions.Localization (>= 8.0.11)
    Microsoft.AspNetCore.Mvc.Razor (2.3)
      Microsoft.AspNetCore.Mvc.Razor.Extensions (>= 2.3)
      Microsoft.AspNetCore.Mvc.ViewFeatures (>= 2.3)
      Microsoft.AspNetCore.Razor.Runtime (>= 2.3)
      Microsoft.CodeAnalysis.CSharp (>= 2.8.2)
      Microsoft.CodeAnalysis.Razor (>= 2.3)
      Microsoft.Extensions.Caching.Memory (>= 8.0.1)
      Microsoft.Extensions.FileProviders.Composite (>= 8.0)
    Microsoft.AspNetCore.Mvc.Razor.Extensions (6.0.36)
      Microsoft.AspNetCore.Razor.Language (>= 6.0.36)
      Microsoft.CodeAnalysis.Razor (>= 6.0.36)
    Microsoft.AspNetCore.Mvc.RazorPages (2.3)
      Microsoft.AspNetCore.Mvc.Razor (>= 2.3)
    Microsoft.AspNetCore.Mvc.TagHelpers (2.3)
      Microsoft.AspNetCore.Mvc.Razor (>= 2.3)
      Microsoft.AspNetCore.Razor.Runtime (>= 2.3)
      Microsoft.AspNetCore.Routing.Abstractions (>= 2.3)
      Microsoft.Extensions.Caching.Memory (>= 8.0.1)
      Microsoft.Extensions.FileSystemGlobbing (>= 8.0)
      Microsoft.Extensions.Primitives (>= 8.0)
    Microsoft.AspNetCore.Mvc.ViewFeatures (2.3)
      Microsoft.AspNetCore.Antiforgery (>= 2.3)
      Microsoft.AspNetCore.Diagnostics.Abstractions (>= 2.3)
      Microsoft.AspNetCore.Html.Abstractions (>= 2.3)
      Microsoft.AspNetCore.Mvc.Core (>= 2.3)
      Microsoft.AspNetCore.Mvc.DataAnnotations (>= 2.3)
      Microsoft.AspNetCore.Mvc.Formatters.Json (>= 2.3)
      Microsoft.Extensions.WebEncoders (>= 8.0.11)
      Newtonsoft.Json (>= 13.0.1)
      Newtonsoft.Json.Bson (>= 1.0.2)
    Microsoft.AspNetCore.Razor (2.3)
      Microsoft.AspNetCore.Html.Abstractions (>= 2.3)
    Microsoft.AspNetCore.Razor.Design (2.3)
    Microsoft.AspNetCore.Razor.Language (6.0.36)
    Microsoft.AspNetCore.Razor.Runtime (2.3)
      Microsoft.AspNetCore.Html.Abstractions (>= 2.3)
      Microsoft.AspNetCore.Razor (>= 2.3)
    Microsoft.AspNetCore.ResponseCaching.Abstractions (2.3)
      Microsoft.Extensions.Primitives (>= 8.0)
    Microsoft.AspNetCore.Routing (2.3)
      Microsoft.AspNetCore.Http.Extensions (>= 2.3)
      Microsoft.AspNetCore.Routing.Abstractions (>= 2.3)
      Microsoft.Extensions.Logging.Abstractions (>= 8.0.2)
      Microsoft.Extensions.ObjectPool (>= 8.0.11)
      Microsoft.Extensions.Options (>= 8.0.2)
    Microsoft.AspNetCore.Routing.Abstractions (2.3)
      Microsoft.AspNetCore.Http.Abstractions (>= 2.3)
    Microsoft.AspNetCore.Server.IISIntegration (2.3)
      Microsoft.AspNetCore.Authentication.Core (>= 2.3)
      Microsoft.AspNetCore.Hosting.Abstractions (>= 2.3)
      Microsoft.AspNetCore.Http (>= 2.3)
      Microsoft.AspNetCore.Http.Extensions (>= 2.3)
      Microsoft.AspNetCore.HttpOverrides (>= 2.3)
      Microsoft.Extensions.Logging.Abstractions (>= 8.0.2)
      Microsoft.Extensions.Options (>= 8.0.2)
      System.Buffers (>= 4.6)
      System.IO.Pipelines (>= 8.0)
      System.Memory (>= 4.6)
      System.Numerics.Vectors (>= 4.6)
      System.Runtime.CompilerServices.Unsafe (>= 6.1)
      System.Security.Principal.Windows (>= 5.0)
    Microsoft.AspNetCore.Server.Kestrel (2.3)
      Microsoft.AspNetCore.Hosting (>= 2.3)
      Microsoft.AspNetCore.Server.Kestrel.Core (>= 2.3)
      Microsoft.AspNetCore.Server.Kestrel.Https (>= 2.3)
      Microsoft.AspNetCore.Server.Kestrel.Transport.Sockets (>= 2.3)
      System.IO.Pipelines (>= 8.0)
    Microsoft.AspNetCore.Server.Kestrel.Core (2.3)
      Microsoft.AspNetCore.Hosting.Abstractions (>= 2.3)
      Microsoft.AspNetCore.Server.Kestrel.Transport.Abstractions (>= 2.3)
      Microsoft.AspNetCore.WebUtilities (>= 2.3)
      Microsoft.Extensions.Configuration (>= 8.0)
      Microsoft.Extensions.Configuration.Binder (>= 8.0.2)
      Microsoft.Extensions.Logging.Abstractions (>= 8.0.2)
      Microsoft.Extensions.Options (>= 8.0.2)
      Microsoft.Net.Http.Headers (>= 2.3)
      System.Memory (>= 4.6)
      System.Numerics.Vectors (>= 4.6)
      System.Runtime.CompilerServices.Unsafe (>= 6.1)
      System.Security.Cryptography.Cng (>= 5.0)
      System.Threading.Tasks.Extensions (>= 4.6)
    Microsoft.AspNetCore.Server.Kestrel.Https (2.3)
      Microsoft.AspNetCore.Http.Abstractions (>= 2.3)
      Microsoft.AspNetCore.Server.Kestrel.Core (>= 2.3)
    Microsoft.AspNetCore.Server.Kestrel.Transport.Abstractions (2.3)
      Microsoft.AspNetCore.Connections.Abstractions (>= 2.3)
      System.IO.Pipelines (>= 8.0)
    Microsoft.AspNetCore.Server.Kestrel.Transport.Sockets (2.3)
      Microsoft.AspNetCore.Hosting.Abstractions (>= 2.3)
      Microsoft.AspNetCore.Server.Kestrel.Transport.Abstractions (>= 2.3)
      Microsoft.Extensions.Options (>= 8.0.2)
    Microsoft.AspNetCore.WebUtilities (9.0.1)
      Microsoft.Net.Http.Headers (>= 9.0.1)
    Microsoft.CodeAnalysis.Analyzers (3.11)
    Microsoft.CodeAnalysis.Common (4.12)
      Microsoft.CodeAnalysis.Analyzers (>= 3.3.4)
      System.Collections.Immutable (>= 8.0)
      System.Reflection.Metadata (>= 8.0)
    Microsoft.CodeAnalysis.CSharp (4.12)
      Microsoft.CodeAnalysis.Analyzers (>= 3.3.4)
      Microsoft.CodeAnalysis.Common (4.12)
      System.Collections.Immutable (>= 8.0)
      System.Reflection.Metadata (>= 8.0)
    Microsoft.CodeAnalysis.Razor (6.0.36)
      Microsoft.AspNetCore.Razor.Language (>= 6.0.36)
      Microsoft.CodeAnalysis.Common (>= 4.0)
      Microsoft.CodeAnalysis.CSharp (>= 4.0)
    Microsoft.CSharp (4.7)
    Microsoft.Extensions.ApiDescription.Server (9.0.1)
    Microsoft.Extensions.Caching.Abstractions (9.0.1)
      Microsoft.Extensions.Primitives (>= 9.0.1)
    Microsoft.Extensions.Caching.Memory (9.0.1)
      Microsoft.Extensions.Caching.Abstractions (>= 9.0.1)
      Microsoft.Extensions.DependencyInjection.Abstractions (>= 9.0.1)
      Microsoft.Extensions.Logging.Abstractions (>= 9.0.1)
      Microsoft.Extensions.Options (>= 9.0.1)
      Microsoft.Extensions.Primitives (>= 9.0.1)
    Microsoft.Extensions.Configuration (9.0.1)
      Microsoft.Extensions.Configuration.Abstractions (>= 9.0.1)
      Microsoft.Extensions.Primitives (>= 9.0.1)
    Microsoft.Extensions.Configuration.Abstractions (9.0.1)
      Microsoft.Extensions.Primitives (>= 9.0.1)
    Microsoft.Extensions.Configuration.Binder (9.0.1)
      Microsoft.Extensions.Configuration.Abstractions (>= 9.0.1)
    Microsoft.Extensions.Configuration.CommandLine (9.0.1)
      Microsoft.Extensions.Configuration (>= 9.0.1)
      Microsoft.Extensions.Configuration.Abstractions (>= 9.0.1)
    Microsoft.Extensions.Configuration.EnvironmentVariables (9.0.1)
      Microsoft.Extensions.Configuration (>= 9.0.1)
      Microsoft.Extensions.Configuration.Abstractions (>= 9.0.1)
    Microsoft.Extensions.Configuration.FileExtensions (9.0.1)
      Microsoft.Extensions.Configuration (>= 9.0.1)
      Microsoft.Extensions.Configuration.Abstractions (>= 9.0.1)
      Microsoft.Extensions.FileProviders.Abstractions (>= 9.0.1)
      Microsoft.Extensions.FileProviders.Physical (>= 9.0.1)
      Microsoft.Extensions.Primitives (>= 9.0.1)
    Microsoft.Extensions.Configuration.Json (9.0.1)
      Microsoft.Extensions.Configuration (>= 9.0.1)
      Microsoft.Extensions.Configuration.Abstractions (>= 9.0.1)
      Microsoft.Extensions.Configuration.FileExtensions (>= 9.0.1)
      Microsoft.Extensions.FileProviders.Abstractions (>= 9.0.1)
    Microsoft.Extensions.Configuration.UserSecrets (9.0.1)
      Microsoft.Extensions.Configuration.Abstractions (>= 9.0.1)
      Microsoft.Extensions.Configuration.Json (>= 9.0.1)
      Microsoft.Extensions.FileProviders.Abstractions (>= 9.0.1)
      Microsoft.Extensions.FileProviders.Physical (>= 9.0.1)
    Microsoft.Extensions.DependencyInjection (9.0.1)
      Microsoft.Extensions.DependencyInjection.Abstractions (>= 9.0.1)
    Microsoft.Extensions.DependencyInjection.Abstractions (9.0.1)
    Microsoft.Extensions.DependencyModel (9.0.1)
    Microsoft.Extensions.Diagnostics.Abstractions (9.0.1)
      Microsoft.Extensions.DependencyInjection.Abstractions (>= 9.0.1)
      Microsoft.Extensions.Options (>= 9.0.1)
    Microsoft.Extensions.Features (9.0.1)
    Microsoft.Extensions.FileProviders.Abstractions (9.0.1)
      Microsoft.Extensions.Primitives (>= 9.0.1)
    Microsoft.Extensions.FileProviders.Composite (9.0.1)
      Microsoft.Extensions.FileProviders.Abstractions (>= 9.0.1)
      Microsoft.Extensions.Primitives (>= 9.0.1)
    Microsoft.Extensions.FileProviders.Physical (9.0.1)
      Microsoft.Extensions.FileProviders.Abstractions (>= 9.0.1)
      Microsoft.Extensions.FileSystemGlobbing (>= 9.0.1)
      Microsoft.Extensions.Primitives (>= 9.0.1)
    Microsoft.Extensions.FileSystemGlobbing (9.0.1)
    Microsoft.Extensions.Hosting.Abstractions (9.0.1)
      Microsoft.Extensions.Configuration.Abstractions (>= 9.0.1)
      Microsoft.Extensions.DependencyInjection.Abstractions (>= 9.0.1)
      Microsoft.Extensions.Diagnostics.Abstractions (>= 9.0.1)
      Microsoft.Extensions.FileProviders.Abstractions (>= 9.0.1)
      Microsoft.Extensions.Logging.Abstractions (>= 9.0.1)
    Microsoft.Extensions.Localization (9.0.1)
      Microsoft.Extensions.DependencyInjection.Abstractions (>= 9.0.1)
      Microsoft.Extensions.Localization.Abstractions (>= 9.0.1)
      Microsoft.Extensions.Logging.Abstractions (>= 9.0.1)
      Microsoft.Extensions.Options (>= 9.0.1)
    Microsoft.Extensions.Localization.Abstractions (9.0.1)
    Microsoft.Extensions.Logging (9.0.1)
      Microsoft.Extensions.DependencyInjection (>= 9.0.1)
      Microsoft.Extensions.Logging.Abstractions (>= 9.0.1)
      Microsoft.Extensions.Options (>= 9.0.1)
    Microsoft.Extensions.Logging.Abstractions (9.0.1)
      Microsoft.Extensions.DependencyInjection.Abstractions (>= 9.0.1)
    Microsoft.Extensions.Logging.Configuration (9.0.1)
      Microsoft.Extensions.Configuration (>= 9.0.1)
      Microsoft.Extensions.Configuration.Abstractions (>= 9.0.1)
      Microsoft.Extensions.Configuration.Binder (>= 9.0.1)
      Microsoft.Extensions.DependencyInjection.Abstractions (>= 9.0.1)
      Microsoft.Extensions.Logging (>= 9.0.1)
      Microsoft.Extensions.Logging.Abstractions (>= 9.0.1)
      Microsoft.Extensions.Options (>= 9.0.1)
      Microsoft.Extensions.Options.ConfigurationExtensions (>= 9.0.1)
    Microsoft.Extensions.Logging.Console (9.0.1)
      Microsoft.Extensions.DependencyInjection.Abstractions (>= 9.0.1)
      Microsoft.Extensions.Logging (>= 9.0.1)
      Microsoft.Extensions.Logging.Abstractions (>= 9.0.1)
      Microsoft.Extensions.Logging.Configuration (>= 9.0.1)
      Microsoft.Extensions.Options (>= 9.0.1)
    Microsoft.Extensions.Logging.Debug (9.0.1)
      Microsoft.Extensions.DependencyInjection.Abstractions (>= 9.0.1)
      Microsoft.Extensions.Logging (>= 9.0.1)
      Microsoft.Extensions.Logging.Abstractions (>= 9.0.1)
    Microsoft.Extensions.ObjectPool (9.0.1)
    Microsoft.Extensions.Options (9.0.1)
      Microsoft.Extensions.DependencyInjection.Abstractions (>= 9.0.1)
      Microsoft.Extensions.Primitives (>= 9.0.1)
    Microsoft.Extensions.Options.ConfigurationExtensions (9.0.1)
      Microsoft.Extensions.Configuration.Abstractions (>= 9.0.1)
      Microsoft.Extensions.Configuration.Binder (>= 9.0.1)
      Microsoft.Extensions.DependencyInjection.Abstractions (>= 9.0.1)
      Microsoft.Extensions.Options (>= 9.0.1)
      Microsoft.Extensions.Primitives (>= 9.0.1)
    Microsoft.Extensions.Primitives (9.0.1)
    Microsoft.Extensions.WebEncoders (9.0.1)
      Microsoft.Extensions.DependencyInjection.Abstractions (>= 9.0.1)
      Microsoft.Extensions.Options (>= 9.0.1)
    Microsoft.Net.Http.Headers (9.0.1)
      Microsoft.Extensions.Primitives (>= 9.0.1)
    Microsoft.OpenApi (1.6.23)
    Newtonsoft.Json (13.0.3)
    Newtonsoft.Json.Bson (1.0.3)
      Newtonsoft.Json (>= 13.0.1)
    Swashbuckle.AspNetCore (7.2)
      Microsoft.Extensions.ApiDescription.Server (>= 6.0.5)
      Swashbuckle.AspNetCore.Swagger (>= 7.2)
      Swashbuckle.AspNetCore.SwaggerGen (>= 7.2)
      Swashbuckle.AspNetCore.SwaggerUI (>= 7.2)
    Swashbuckle.AspNetCore.Swagger (7.2)
      Microsoft.OpenApi (>= 1.6.22)
    Swashbuckle.AspNetCore.SwaggerGen (7.2)
      Swashbuckle.AspNetCore.Swagger (>= 7.2)
    Swashbuckle.AspNetCore.SwaggerUI (7.2)
    System.Buffers (4.6)
    System.Collections.Immutable (9.0.1)
    System.ComponentModel.Annotations (5.0)
    System.Diagnostics.DiagnosticSource (9.0.1)
    System.Formats.Asn1 (9.0.1)
    System.IO.Pipelines (9.0.1)
    System.Memory (4.6)
    System.Numerics.Vectors (4.6)
    System.Reflection.Metadata (9.0.1)
    System.Runtime.CompilerServices.Unsafe (6.1)
    System.Security.Cryptography.Cng (5.0)
      System.Formats.Asn1 (>= 5.0)
    System.Security.Cryptography.Pkcs (9.0.1)
    System.Security.Cryptography.Xml (9.0.1)
      System.Security.Cryptography.Pkcs (>= 9.0.1)
    System.Security.Principal.Windows (5.0)
    System.Text.Encodings.Web (9.0.1)
    System.Text.Json (9.0.1)
    System.Threading.Tasks.Extensions (4.6)

GROUP Test
RESTRICTION: == net9.0
NUGET
  remote: https://api.nuget.org/v3/index.json
    FSharp.Compiler.Service (43.9.101)
      FSharp.Core (9.0.101)
      System.Buffers (>= 4.5.1)
      System.Collections.Immutable (>= 8.0)
      System.Diagnostics.DiagnosticSource (>= 8.0)
      System.Memory (>= 4.5.5)
      System.Reflection.Emit (>= 4.7)
      System.Reflection.Metadata (>= 8.0)
      System.Runtime.CompilerServices.Unsafe (>= 6.0)
    FSharp.Core (9.0.101)
    FSharp.SystemTextJson (1.3.13)
      FSharp.Core (>= 4.7)
      System.Text.Json (>= 6.0)
    FsUnit.xUnit (7.0.1)
      FSharp.Core (>= 5.0.2)
      NHamcrest (>= 4.0)
      xunit.v3 (>= 1.0)
    Microsoft.Bcl.AsyncInterfaces (9.0.1)
    Microsoft.CodeCoverage (17.12)
    Microsoft.NET.Test.Sdk (17.12)
      Microsoft.CodeCoverage (>= 17.12)
      Microsoft.TestPlatform.TestHost (>= 17.12)
    Microsoft.OpenApi (1.6.23) - redirects: force
    Microsoft.OpenApi.Readers (1.6.23) - redirects: force
      Microsoft.OpenApi (>= 1.6.23)
      SharpYaml (>= 2.1.1)
    Microsoft.Testing.Extensions.TrxReport.Abstractions (1.5.1)
      Microsoft.Testing.Platform (>= 1.5.1)
    Microsoft.Testing.Platform (1.5.1)
    Microsoft.Testing.Platform.MSBuild (1.5.1)
      Microsoft.Testing.Platform (>= 1.5.1)
    Microsoft.TestPlatform.ObjectModel (17.12)
      System.Reflection.Metadata (>= 1.6)
    Microsoft.TestPlatform.TestHost (17.12)
      Microsoft.TestPlatform.ObjectModel (>= 17.12)
      Newtonsoft.Json (>= 13.0.1)
    Newtonsoft.Json (13.0.3)
    NHamcrest (4.0)
    SharpYaml (2.1.1) - redirects: force
    System.Buffers (4.6)
    System.Collections.Immutable (9.0.1)
    System.Diagnostics.DiagnosticSource (9.0.1)
    System.Memory (4.6)
    System.Reflection.Emit (4.7)
    System.Reflection.Metadata (9.0.1)
    System.Runtime.CompilerServices.Unsafe (6.1)
    System.Text.Json (9.0.1)
    xunit.analyzers (1.19)
    xunit.v3 (1.0.1)
      xunit.analyzers (>= 1.19)
      xunit.v3.assert (1.0.1)
      xunit.v3.core (1.0.1)
    xunit.v3.assert (1.0.1)
    xunit.v3.common (1.0.1)
      Microsoft.Bcl.AsyncInterfaces (>= 6.0)
    xunit.v3.core (1.0.1)
      Microsoft.Testing.Platform.MSBuild (>= 1.5)
      xunit.v3.extensibility.core (1.0.1)
      xunit.v3.runner.inproc.console (1.0.1)
    xunit.v3.extensibility.core (1.0.1)
      xunit.v3.common (1.0.1)
    xunit.v3.runner.common (1.0.1)
      xunit.v3.common (1.0.1)
    xunit.v3.runner.inproc.console (1.0.1)
      Microsoft.Testing.Extensions.TrxReport.Abstractions (>= 1.5)
      Microsoft.Testing.Platform (>= 1.5)
      xunit.v3.extensibility.core (1.0.1)
      xunit.v3.runner.common (1.0.1)
