RESTRICTION: || (== net45) (== netcoreapp2.1) (== netstandard2.0)
NUGET
  remote: https://www.nuget.org/api/v2
    FSharp.Core (4.3.4)
    Microsoft.NETCore.Platforms (2.2) - restriction: || (&& (== net45) (< portable-net45+win8+wpa81)) (== netcoreapp2.1) (== netstandard2.0)
    Microsoft.NETCore.Targets (2.1) - restriction: || (== netcoreapp2.1) (== netstandard2.0)
    Microsoft.OpenApi (1.1.2) - restriction: || (&& (== net45) (>= net46)) (&& (== net45) (>= netstandard2.0)) (== netcoreapp2.1) (== netstandard2.0)
    Microsoft.OpenApi.Readers (1.1.2)
      Microsoft.OpenApi (>= 1.1.2) - restriction: || (&& (== net45) (>= net46)) (&& (== net45) (>= netstandard2.0)) (== netcoreapp2.1) (== netstandard2.0)
      SharpYaml (>= 1.6.1) - restriction: || (&& (== net45) (>= net46)) (&& (== net45) (>= netstandard2.0)) (== netcoreapp2.1) (== netstandard2.0)
    NETStandard.Library.NETFramework (2.0.0-preview2-25405-01)
    Newtonsoft.Json (12.0.1)
    runtime.debian.8-x64.runtime.native.System.Security.Cryptography.OpenSsl (4.3.3) - restriction: || (== netcoreapp2.1) (== netstandard2.0)
    runtime.debian.9-x64.runtime.native.System.Security.Cryptography.OpenSsl (4.3.3) - restriction: || (== netcoreapp2.1) (== netstandard2.0)
    runtime.fedora.23-x64.runtime.native.System.Security.Cryptography.OpenSsl (4.3.3) - restriction: || (== netcoreapp2.1) (== netstandard2.0)
    runtime.fedora.24-x64.runtime.native.System.Security.Cryptography.OpenSsl (4.3.3) - restriction: || (== netcoreapp2.1) (== netstandard2.0)
    runtime.fedora.27-x64.runtime.native.System.Security.Cryptography.OpenSsl (4.3.3) - restriction: || (== netcoreapp2.1) (== netstandard2.0)
    runtime.fedora.28-x64.runtime.native.System.Security.Cryptography.OpenSsl (4.3.3) - restriction: || (== netcoreapp2.1) (== netstandard2.0)
    runtime.native.System (4.3.1) - restriction: || (== netcoreapp2.1) (== netstandard2.0)
      Microsoft.NETCore.Platforms (>= 1.1.1)
      Microsoft.NETCore.Targets (>= 1.1.3)
    runtime.native.System.Net.Http (4.3.1) - restriction: || (== netcoreapp2.1) (== netstandard2.0)
      Microsoft.NETCore.Platforms (>= 1.1.1)
      Microsoft.NETCore.Targets (>= 1.1.3)
    runtime.native.System.Security.Cryptography.Apple (4.3.1) - restriction: || (== netcoreapp2.1) (== netstandard2.0)
      runtime.osx.10.10-x64.runtime.native.System.Security.Cryptography.Apple (>= 4.3.1)
    runtime.native.System.Security.Cryptography.OpenSsl (4.3.3) - restriction: || (== netcoreapp2.1) (== netstandard2.0)
      runtime.debian.8-x64.runtime.native.System.Security.Cryptography.OpenSsl (>= 4.3.3)
      runtime.debian.9-x64.runtime.native.System.Security.Cryptography.OpenSsl (>= 4.3.3)
      runtime.fedora.23-x64.runtime.native.System.Security.Cryptography.OpenSsl (>= 4.3.3)
      runtime.fedora.24-x64.runtime.native.System.Security.Cryptography.OpenSsl (>= 4.3.3)
      runtime.fedora.27-x64.runtime.native.System.Security.Cryptography.OpenSsl (>= 4.3.3)
      runtime.fedora.28-x64.runtime.native.System.Security.Cryptography.OpenSsl (>= 4.3.3)
      runtime.opensuse.13.2-x64.runtime.native.System.Security.Cryptography.OpenSsl (>= 4.3.3)
      runtime.opensuse.42.1-x64.runtime.native.System.Security.Cryptography.OpenSsl (>= 4.3.3)
      runtime.opensuse.42.3-x64.runtime.native.System.Security.Cryptography.OpenSsl (>= 4.3.3)
      runtime.osx.10.10-x64.runtime.native.System.Security.Cryptography.OpenSsl (>= 4.3.3)
      runtime.rhel.7-x64.runtime.native.System.Security.Cryptography.OpenSsl (>= 4.3.3)
      runtime.ubuntu.14.04-x64.runtime.native.System.Security.Cryptography.OpenSsl (>= 4.3.3)
      runtime.ubuntu.16.04-x64.runtime.native.System.Security.Cryptography.OpenSsl (>= 4.3.3)
      runtime.ubuntu.16.10-x64.runtime.native.System.Security.Cryptography.OpenSsl (>= 4.3.3)
      runtime.ubuntu.18.04-x64.runtime.native.System.Security.Cryptography.OpenSsl (>= 4.3.3)
    runtime.opensuse.13.2-x64.runtime.native.System.Security.Cryptography.OpenSsl (4.3.3) - restriction: || (== netcoreapp2.1) (== netstandard2.0)
    runtime.opensuse.42.1-x64.runtime.native.System.Security.Cryptography.OpenSsl (4.3.3) - restriction: || (== netcoreapp2.1) (== netstandard2.0)
    runtime.opensuse.42.3-x64.runtime.native.System.Security.Cryptography.OpenSsl (4.3.3) - restriction: || (== netcoreapp2.1) (== netstandard2.0)
    runtime.osx.10.10-x64.runtime.native.System.Security.Cryptography.Apple (4.3.1) - restriction: || (== netcoreapp2.1) (== netstandard2.0)
    runtime.osx.10.10-x64.runtime.native.System.Security.Cryptography.OpenSsl (4.3.3) - restriction: || (== netcoreapp2.1) (== netstandard2.0)
    runtime.rhel.7-x64.runtime.native.System.Security.Cryptography.OpenSsl (4.3.3) - restriction: || (== netcoreapp2.1) (== netstandard2.0)
    runtime.ubuntu.14.04-x64.runtime.native.System.Security.Cryptography.OpenSsl (4.3.3) - restriction: || (== netcoreapp2.1) (== netstandard2.0)
    runtime.ubuntu.16.04-x64.runtime.native.System.Security.Cryptography.OpenSsl (4.3.3) - restriction: || (== netcoreapp2.1) (== netstandard2.0)
    runtime.ubuntu.16.10-x64.runtime.native.System.Security.Cryptography.OpenSsl (4.3.3) - restriction: || (== netcoreapp2.1) (== netstandard2.0)
    runtime.ubuntu.18.04-x64.runtime.native.System.Security.Cryptography.OpenSsl (4.3.3) - restriction: || (== netcoreapp2.1) (== netstandard2.0)
    SharpYaml (1.6.5) - restriction: || (&& (== net45) (>= net46)) (&& (== net45) (>= netstandard2.0)) (== netcoreapp2.1) (== netstandard2.0)
      System.Reflection.TypeExtensions (>= 4.3) - restriction: || (&& (== net45) (< net35) (>= netstandard1.3)) (&& (== net45) (< net35) (>= netstandard1.6)) (&& (== net45) (< net35) (>= netstandard2.0)) (== netcoreapp2.1) (== netstandard2.0)
    System.Collections (4.3) - restriction: || (&& (== net45) (< portable-net45+win8+wpa81)) (== netcoreapp2.1) (== netstandard2.0)
      Microsoft.NETCore.Platforms (>= 1.1) - restriction: || (&& (== net45) (< portable-net45+win8+wp8+wpa81)) (== netcoreapp2.1) (== netstandard2.0)
      Microsoft.NETCore.Targets (>= 1.1) - restriction: || (&& (== net45) (< portable-net45+win8+wp8+wpa81)) (== netcoreapp2.1) (== netstandard2.0)
      System.Runtime (>= 4.3) - restriction: || (&& (== net45) (< portable-net45+win8+wp8+wpa81)) (== netcoreapp2.1) (== netstandard2.0)
    System.Collections.Concurrent (4.3) - restriction: || (== netcoreapp2.1) (== netstandard2.0)
      System.Collections (>= 4.3) - restriction: || (&& (== net45) (< portable-net45+win8+wpa81)) (== netcoreapp2.1) (== netstandard2.0)
      System.Diagnostics.Debug (>= 4.3) - restriction: || (&& (== net45) (< portable-net45+win8+wpa81)) (== netcoreapp2.1) (== netstandard2.0)
      System.Diagnostics.Tracing (>= 4.3) - restriction: || (&& (== net45) (< portable-net45+win8+wpa81)) (== netcoreapp2.1) (== netstandard2.0)
      System.Globalization (>= 4.3) - restriction: || (&& (== net45) (< portable-net45+win8+wpa81)) (== netcoreapp2.1) (== netstandard2.0)
      System.Reflection (>= 4.3) - restriction: || (== netcoreapp2.1) (== netstandard2.0)
      System.Resources.ResourceManager (>= 4.3) - restriction: || (&& (== net45) (< portable-net45+win8+wpa81)) (== netcoreapp2.1) (== netstandard2.0)
      System.Runtime (>= 4.3) - restriction: || (&& (== net45) (< portable-net45+win8+wpa81)) (== netcoreapp2.1) (== netstandard2.0)
      System.Runtime.Extensions (>= 4.3) - restriction: || (&& (== net45) (< portable-net45+win8+wpa81)) (== netcoreapp2.1) (== netstandard2.0)
      System.Threading (>= 4.3) - restriction: || (&& (== net45) (< portable-net45+win8+wpa81)) (== netcoreapp2.1) (== netstandard2.0)
      System.Threading.Tasks (>= 4.3) - restriction: || (&& (== net45) (< portable-net45+win8+wpa81)) (== netcoreapp2.1) (== netstandard2.0)
    System.Diagnostics.Debug (4.3) - restriction: || (&& (== net45) (< portable-net45+win8+wpa81)) (== netcoreapp2.1) (== netstandard2.0)
      Microsoft.NETCore.Platforms (>= 1.1) - restriction: || (&& (== net45) (< portable-net45+win8+wp8+wpa81)) (== netcoreapp2.1) (== netstandard2.0)
      Microsoft.NETCore.Targets (>= 1.1) - restriction: || (&& (== net45) (< portable-net45+win8+wp8+wpa81)) (== netcoreapp2.1) (== netstandard2.0)
      System.Runtime (>= 4.3) - restriction: || (&& (== net45) (< portable-net45+win8+wp8+wpa81)) (== netcoreapp2.1) (== netstandard2.0)
    System.Diagnostics.DiagnosticSource (4.5.1) - restriction: || (&& (== net45) (< portable-net45+win8+wpa81)) (== netcoreapp2.1) (== netstandard2.0)
    System.Diagnostics.Tracing (4.3) - restriction: || (&& (== net45) (< portable-net45+win8+wpa81)) (== netcoreapp2.1) (== netstandard2.0)
      Microsoft.NETCore.Platforms (>= 1.1) - restriction: || (&& (== net45) (< portable-net45+win8+wpa81)) (== netcoreapp2.1) (== netstandard2.0)
      Microsoft.NETCore.Targets (>= 1.1) - restriction: || (&& (== net45) (< portable-net45+win8+wpa81)) (== netcoreapp2.1) (== netstandard2.0)
      System.Runtime (>= 4.3) - restriction: || (&& (== net45) (< portable-net45+win8+wpa81)) (== netcoreapp2.1) (== netstandard2.0)
    System.Globalization (4.3) - restriction: || (&& (== net45) (< portable-net45+win8+wpa81)) (== netcoreapp2.1) (== netstandard2.0)
      Microsoft.NETCore.Platforms (>= 1.1) - restriction: || (&& (== net45) (< portable-net45+win8+wp8+wpa81)) (== netcoreapp2.1) (== netstandard2.0)
      Microsoft.NETCore.Targets (>= 1.1) - restriction: || (&& (== net45) (< portable-net45+win8+wp8+wpa81)) (== netcoreapp2.1) (== netstandard2.0)
      System.Runtime (>= 4.3) - restriction: || (&& (== net45) (< portable-net45+win8+wp8+wpa81)) (== netcoreapp2.1) (== netstandard2.0)
    System.Globalization.Calendars (4.3) - restriction: || (&& (== net45) (>= net46)) (&& (== net45) (< portable-net45+win8+wpa81)) (== netcoreapp2.1) (== netstandard2.0)
      Microsoft.NETCore.Platforms (>= 1.1) - restriction: || (&& (== net45) (>= netstandard1.3)) (== netcoreapp2.1) (== netstandard2.0)
      Microsoft.NETCore.Targets (>= 1.1) - restriction: || (&& (== net45) (>= netstandard1.3)) (== netcoreapp2.1) (== netstandard2.0)
      System.Globalization (>= 4.3) - restriction: || (&& (== net45) (>= netstandard1.3)) (== netcoreapp2.1) (== netstandard2.0)
      System.Runtime (>= 4.3) - restriction: || (&& (== net45) (>= netstandard1.3)) (== netcoreapp2.1) (== netstandard2.0)
    System.Globalization.Extensions (4.3) - restriction: || (== netcoreapp2.1) (== netstandard2.0)
      Microsoft.NETCore.Platforms (>= 1.1) - restriction: || (&& (== net45) (>= netstandard1.3)) (== netcoreapp2.1) (== netstandard2.0)
      System.Globalization (>= 4.3) - restriction: || (&& (== net45) (>= netstandard1.3)) (== netcoreapp2.1) (== netstandard2.0)
      System.Resources.ResourceManager (>= 4.3) - restriction: || (&& (== net45) (>= netstandard1.3)) (== netcoreapp2.1) (== netstandard2.0)
      System.Runtime (>= 4.3) - restriction: || (&& (== net45) (>= netstandard1.3)) (== netcoreapp2.1) (== netstandard2.0)
      System.Runtime.Extensions (>= 4.3) - restriction: || (&& (== net45) (>= netstandard1.3)) (== netcoreapp2.1) (== netstandard2.0)
      System.Runtime.InteropServices (>= 4.3) - restriction: || (&& (== net45) (>= netstandard1.3)) (== netcoreapp2.1) (== netstandard2.0)
    System.IO (4.3) - restriction: || (&& (== net45) (< portable-net45+win8+wpa81)) (== netcoreapp2.1) (== netstandard2.0)
      Microsoft.NETCore.Platforms (>= 1.1) - restriction: || (&& (== net45) (< portable-net45+win8+wp8+wpa81)) (== netcoreapp2.1) (== netstandard2.0)
      Microsoft.NETCore.Targets (>= 1.1) - restriction: || (&& (== net45) (< portable-net45+win8+wp8+wpa81)) (== netcoreapp2.1) (== netstandard2.0)
      System.Runtime (>= 4.3) - restriction: || (&& (== net45) (< portable-net45+win8+wp8+wpa81)) (== netcoreapp2.1) (== netstandard2.0)
      System.Text.Encoding (>= 4.3) - restriction: || (&& (== net45) (< portable-net45+win8+wp8+wpa81)) (== netcoreapp2.1) (== netstandard2.0)
      System.Threading.Tasks (>= 4.3) - restriction: || (&& (== net45) (< portable-net45+win8+wp8+wpa81)) (== netcoreapp2.1) (== netstandard2.0)
    System.IO.FileSystem (4.3) - restriction: || (== netcoreapp2.1) (== netstandard2.0)
      Microsoft.NETCore.Platforms (>= 1.1) - restriction: || (&& (== net45) (>= netstandard1.3)) (== netcoreapp2.1) (== netstandard2.0)
      Microsoft.NETCore.Targets (>= 1.1) - restriction: || (&& (== net45) (>= netstandard1.3)) (== netcoreapp2.1) (== netstandard2.0)
      System.IO (>= 4.3) - restriction: || (&& (== net45) (>= netstandard1.3)) (== netcoreapp2.1) (== netstandard2.0)
      System.IO.FileSystem.Primitives (>= 4.3) - restriction: || (&& (== net45) (>= net46)) (&& (== net45) (>= netstandard1.3)) (== netcoreapp2.1) (== netstandard2.0)
      System.Runtime (>= 4.3) - restriction: || (&& (== net45) (>= netstandard1.3)) (== netcoreapp2.1) (== netstandard2.0)
      System.Runtime.Handles (>= 4.3) - restriction: || (&& (== net45) (>= netstandard1.3)) (== netcoreapp2.1) (== netstandard2.0)
      System.Text.Encoding (>= 4.3) - restriction: || (&& (== net45) (>= netstandard1.3)) (== netcoreapp2.1) (== netstandard2.0)
      System.Threading.Tasks (>= 4.3) - restriction: || (&& (== net45) (>= netstandard1.3)) (== netcoreapp2.1) (== netstandard2.0)
    System.IO.FileSystem.Primitives (4.3) - restriction: || (== netcoreapp2.1) (== netstandard2.0)
      System.Runtime (>= 4.3) - restriction: || (&& (== net45) (>= netstandard1.3)) (== netcoreapp2.1) (== netstandard2.0)
    System.Linq (4.3) - restriction: || (== netcoreapp2.1) (== netstandard2.0)
      System.Collections (>= 4.3) - restriction: || (&& (== net45) (< portable-net45+win8+wp8+wpa81)) (== netcoreapp2.1) (== netstandard2.0)
      System.Diagnostics.Debug (>= 4.3) - restriction: || (&& (== net45) (< portable-net45+win8+wp8+wpa81)) (== netcoreapp2.1) (== netstandard2.0)
      System.Resources.ResourceManager (>= 4.3) - restriction: || (&& (== net45) (< portable-net45+win8+wp8+wpa81)) (== netcoreapp2.1) (== netstandard2.0)
      System.Runtime (>= 4.3) - restriction: || (&& (== net45) (< portable-net45+win8+wp8+wpa81)) (== netcoreapp2.1) (== netstandard2.0)
      System.Runtime.Extensions (>= 4.3) - restriction: || (&& (== net45) (< portable-net45+win8+wp8+wpa81)) (== netcoreapp2.1) (== netstandard2.0)
    System.Net.Http (4.3.4)
      Microsoft.NETCore.Platforms (>= 1.1.1) - restriction: || (&& (== net45) (< portable-net45+win8+wpa81)) (== netcoreapp2.1) (== netstandard2.0)
      runtime.native.System (>= 4.3) - restriction: || (== netcoreapp2.1) (== netstandard2.0)
      runtime.native.System.Net.Http (>= 4.3) - restriction: || (== netcoreapp2.1) (== netstandard2.0)
      runtime.native.System.Security.Cryptography.OpenSsl (>= 4.3.2) - restriction: || (== netcoreapp2.1) (== netstandard2.0)
      System.Collections (>= 4.3) - restriction: || (&& (== net45) (< portable-net45+win8+wpa81)) (== netcoreapp2.1) (== netstandard2.0)
      System.Diagnostics.Debug (>= 4.3) - restriction: || (&& (== net45) (< portable-net45+win8+wpa81)) (== netcoreapp2.1) (== netstandard2.0)
      System.Diagnostics.DiagnosticSource (>= 4.3) - restriction: || (&& (== net45) (< portable-net45+win8+wpa81)) (== netcoreapp2.1) (== netstandard2.0)
      System.Diagnostics.Tracing (>= 4.3) - restriction: || (&& (== net45) (< portable-net45+win8+wpa81)) (== netcoreapp2.1) (== netstandard2.0)
      System.Globalization (>= 4.3) - restriction: || (&& (== net45) (< portable-net45+win8+wpa81)) (== netcoreapp2.1) (== netstandard2.0)
      System.Globalization.Extensions (>= 4.3) - restriction: || (== netcoreapp2.1) (== netstandard2.0)
      System.IO (>= 4.3) - restriction: || (&& (== net45) (< portable-net45+win8+wpa81)) (== netcoreapp2.1) (== netstandard2.0)
      System.IO.FileSystem (>= 4.3) - restriction: || (== netcoreapp2.1) (== netstandard2.0)
      System.Net.Primitives (>= 4.3) - restriction: || (&& (== net45) (< portable-net45+win8+wpa81)) (== netcoreapp2.1) (== netstandard2.0)
      System.Resources.ResourceManager (>= 4.3) - restriction: || (&& (== net45) (< portable-net45+win8+wpa81)) (== netcoreapp2.1) (== netstandard2.0)
      System.Runtime (>= 4.3) - restriction: || (&& (== net45) (< portable-net45+win8+wpa81)) (== netcoreapp2.1) (== netstandard2.0)
      System.Runtime.Extensions (>= 4.3) - restriction: || (&& (== net45) (< portable-net45+win8+wpa81)) (== netcoreapp2.1) (== netstandard2.0)
      System.Runtime.Handles (>= 4.3) - restriction: || (== netcoreapp2.1) (== netstandard2.0)
      System.Runtime.InteropServices (>= 4.3) - restriction: || (&& (== net45) (< portable-net45+win8+wpa81)) (== netcoreapp2.1) (== netstandard2.0)
      System.Security.Cryptography.Algorithms (>= 4.3) - restriction: || (== netcoreapp2.1) (== netstandard2.0)
      System.Security.Cryptography.Encoding (>= 4.3) - restriction: || (== netcoreapp2.1) (== netstandard2.0)
      System.Security.Cryptography.OpenSsl (>= 4.3) - restriction: || (== netcoreapp2.1) (== netstandard2.0)
      System.Security.Cryptography.Primitives (>= 4.3) - restriction: || (== netcoreapp2.1) (== netstandard2.0)
      System.Security.Cryptography.X509Certificates (>= 4.3) - restriction: || (&& (== net45) (>= net46)) (&& (== net45) (< portable-net45+win8+wpa81)) (== netcoreapp2.1) (== netstandard2.0)
      System.Text.Encoding (>= 4.3) - restriction: || (&& (== net45) (< portable-net45+win8+wpa81)) (== netcoreapp2.1) (== netstandard2.0)
      System.Threading (>= 4.3) - restriction: || (&& (== net45) (< portable-net45+win8+wpa81)) (== netcoreapp2.1) (== netstandard2.0)
      System.Threading.Tasks (>= 4.3) - restriction: || (&& (== net45) (< portable-net45+win8+wpa81)) (== netcoreapp2.1) (== netstandard2.0)
    System.Net.Primitives (4.3) - restriction: || (&& (== net45) (< portable-net45+win8+wpa81)) (== netcoreapp2.1) (== netstandard2.0)
      Microsoft.NETCore.Platforms (>= 1.1) - restriction: || (&& (== net45) (< netstandard1.1)) (&& (== net45) (< portable-net45+win8+wp8+wpa81)) (== netcoreapp2.1) (== netstandard2.0)
      Microsoft.NETCore.Targets (>= 1.1) - restriction: || (&& (== net45) (< netstandard1.1)) (&& (== net45) (< portable-net45+win8+wp8+wpa81)) (== netcoreapp2.1) (== netstandard2.0)
      System.Runtime (>= 4.3) - restriction: || (&& (== net45) (< netstandard1.1)) (&& (== net45) (< portable-net45+win8+wp8+wpa81)) (== netcoreapp2.1) (== netstandard2.0)
      System.Runtime.Handles (>= 4.3) - restriction: || (&& (== net45) (< portable-net45+win8+wp8+wpa81)) (== netcoreapp2.1) (== netstandard2.0)
    System.Reflection (4.3) - restriction: || (&& (== net45) (< portable-net45+win8+wp8+wpa81)) (&& (== net45) (< portable-net45+win8+wpa81)) (== netcoreapp2.1) (== netstandard2.0)
      Microsoft.NETCore.Platforms (>= 1.1) - restriction: || (&& (== net45) (< portable-net45+win8+wp8+wpa81)) (== netcoreapp2.1) (== netstandard2.0)
      Microsoft.NETCore.Targets (>= 1.1) - restriction: || (&& (== net45) (< portable-net45+win8+wp8+wpa81)) (== netcoreapp2.1) (== netstandard2.0)
      System.IO (>= 4.3) - restriction: || (&& (== net45) (< portable-net45+win8+wp8+wpa81)) (== netcoreapp2.1) (== netstandard2.0)
      System.Reflection.Primitives (>= 4.3) - restriction: || (&& (== net45) (< portable-net45+win8+wp8+wpa81)) (== netcoreapp2.1) (== netstandard2.0)
      System.Runtime (>= 4.3) - restriction: || (&& (== net45) (< portable-net45+win8+wp8+wpa81)) (== netcoreapp2.1) (== netstandard2.0)
    System.Reflection.Primitives (4.3) - restriction: || (&& (== net45) (< portable-net45+win8+wpa81)) (== netcoreapp2.1) (== netstandard2.0)
      Microsoft.NETCore.Platforms (>= 1.1) - restriction: || (&& (== net45) (< portable-net45+win8+wp8+wpa81)) (== netcoreapp2.1) (== netstandard2.0)
      Microsoft.NETCore.Targets (>= 1.1) - restriction: || (&& (== net45) (< portable-net45+win8+wp8+wpa81)) (== netcoreapp2.1) (== netstandard2.0)
      System.Runtime (>= 4.3) - restriction: || (&& (== net45) (< portable-net45+win8+wp8+wpa81)) (== netcoreapp2.1) (== netstandard2.0)
    System.Reflection.TypeExtensions (4.5.1) - restriction: || (&& (== net45) (< net35) (>= net46)) (&& (== net45) (< net35) (>= netstandard2.0)) (== netcoreapp2.1) (== netstandard2.0)
    System.Resources.ResourceManager (4.3) - restriction: || (&& (== net45) (< portable-net45+win8+wpa81)) (== netcoreapp2.1) (== netstandard2.0)
      Microsoft.NETCore.Platforms (>= 1.1) - restriction: || (&& (== net45) (< portable-net45+win8+wp8+wpa81)) (== netcoreapp2.1) (== netstandard2.0)
      Microsoft.NETCore.Targets (>= 1.1) - restriction: || (&& (== net45) (< portable-net45+win8+wp8+wpa81)) (== netcoreapp2.1) (== netstandard2.0)
      System.Globalization (>= 4.3) - restriction: || (&& (== net45) (< portable-net45+win8+wp8+wpa81)) (== netcoreapp2.1) (== netstandard2.0)
      System.Reflection (>= 4.3) - restriction: || (&& (== net45) (< portable-net45+win8+wp8+wpa81)) (== netcoreapp2.1) (== netstandard2.0)
      System.Runtime (>= 4.3) - restriction: || (&& (== net45) (< portable-net45+win8+wp8+wpa81)) (== netcoreapp2.1) (== netstandard2.0)
    System.Runtime (4.3.1) - restriction: || (&& (== net45) (< portable-net45+win8+wp8+wpa81)) (&& (== net45) (< portable-net45+win8+wpa81)) (== netcoreapp2.1) (== netstandard2.0)
      Microsoft.NETCore.Platforms (>= 1.1.1) - restriction: || (&& (== net45) (< portable-net45+win8+wp8+wpa81)) (== netcoreapp2.1) (== netstandard2.0)
      Microsoft.NETCore.Targets (>= 1.1.3) - restriction: || (&& (== net45) (< portable-net45+win8+wp8+wpa81)) (== netcoreapp2.1) (== netstandard2.0)
    System.Runtime.Extensions (4.3.1) - restriction: || (&& (== net45) (< portable-net45+win8+wpa81)) (== netcoreapp2.1) (== netstandard2.0)
      Microsoft.NETCore.Platforms (>= 1.1.1) - restriction: || (&& (== net45) (< portable-net45+win8+wp8+wpa81)) (== netcoreapp2.1) (== netstandard2.0)
      Microsoft.NETCore.Targets (>= 1.1.3) - restriction: || (&& (== net45) (< portable-net45+win8+wp8+wpa81)) (== netcoreapp2.1) (== netstandard2.0)
      System.Runtime (>= 4.3.1) - restriction: || (&& (== net45) (< portable-net45+win8+wp8+wpa81)) (== netcoreapp2.1) (== netstandard2.0)
    System.Runtime.Handles (4.3) - restriction: || (== netcoreapp2.1) (== netstandard2.0)
      Microsoft.NETCore.Platforms (>= 1.1) - restriction: || (&& (== net45) (>= netstandard1.3)) (== netcoreapp2.1) (== netstandard2.0)
      Microsoft.NETCore.Targets (>= 1.1) - restriction: || (&& (== net45) (>= netstandard1.3)) (== netcoreapp2.1) (== netstandard2.0)
      System.Runtime (>= 4.3) - restriction: || (&& (== net45) (>= netstandard1.3)) (== netcoreapp2.1) (== netstandard2.0)
    System.Runtime.InteropServices (4.3) - restriction: || (&& (== net45) (< portable-net45+win8+wpa81)) (== netcoreapp2.1) (== netstandard2.0)
      Microsoft.NETCore.Platforms (>= 1.1) - restriction: || (&& (== net45) (>= netcoreapp1.1)) (&& (== net45) (< portable-net45+win8+wpa81)) (== netcoreapp2.1) (== netstandard2.0)
      Microsoft.NETCore.Targets (>= 1.1) - restriction: || (&& (== net45) (>= netcoreapp1.1)) (&& (== net45) (< portable-net45+win8+wpa81)) (== netcoreapp2.1) (== netstandard2.0)
      System.Reflection (>= 4.3) - restriction: || (&& (== net45) (>= netcoreapp1.1)) (&& (== net45) (< portable-net45+win8+wpa81)) (== netcoreapp2.1) (== netstandard2.0)
      System.Reflection.Primitives (>= 4.3) - restriction: || (&& (== net45) (>= netcoreapp1.1)) (&& (== net45) (< portable-net45+win8+wpa81)) (== netcoreapp2.1) (== netstandard2.0)
      System.Runtime (>= 4.3) - restriction: || (&& (== net45) (>= net462)) (&& (== net45) (>= netcoreapp1.1)) (&& (== net45) (< portable-net45+win8+wpa81)) (== netcoreapp2.1) (== netstandard2.0)
      System.Runtime.Handles (>= 4.3) - restriction: || (&& (== net45) (>= netcoreapp1.1)) (&& (== net45) (< portable-net45+win8+wpa81)) (== netcoreapp2.1) (== netstandard2.0)
    System.Runtime.Numerics (4.3) - restriction: || (== netcoreapp2.1) (== netstandard2.0)
      System.Globalization (>= 4.3) - restriction: || (&& (== net45) (< portable-net45+win8+wpa81)) (== netcoreapp2.1) (== netstandard2.0)
      System.Resources.ResourceManager (>= 4.3) - restriction: || (&& (== net45) (< portable-net45+win8+wpa81)) (== netcoreapp2.1) (== netstandard2.0)
      System.Runtime (>= 4.3) - restriction: || (&& (== net45) (< portable-net45+win8+wpa81)) (== netcoreapp2.1) (== netstandard2.0)
      System.Runtime.Extensions (>= 4.3) - restriction: || (&& (== net45) (< portable-net45+win8+wpa81)) (== netcoreapp2.1) (== netstandard2.0)
    System.Security.Cryptography.Algorithms (4.3.1) - restriction: || (== netcoreapp2.1) (== netstandard2.0)
      Microsoft.NETCore.Platforms (>= 1.1)
      runtime.native.System.Security.Cryptography.Apple (>= 4.3.1) - restriction: || (&& (== net45) (>= netstandard1.6)) (== netcoreapp2.1) (== netstandard2.0)
      runtime.native.System.Security.Cryptography.OpenSsl (>= 4.3.2) - restriction: || (&& (== net45) (>= netstandard1.6)) (== netcoreapp2.1) (== netstandard2.0)
      System.Collections (>= 4.3) - restriction: || (&& (== net45) (>= netstandard1.6)) (== netcoreapp2.1) (== netstandard2.0)
      System.IO (>= 4.3)
      System.Resources.ResourceManager (>= 4.3)
      System.Runtime (>= 4.3)
      System.Runtime.Extensions (>= 4.3)
      System.Runtime.Handles (>= 4.3)
      System.Runtime.InteropServices (>= 4.3)
      System.Runtime.Numerics (>= 4.3) - restriction: || (&& (== net45) (>= netstandard1.6)) (== netcoreapp2.1) (== netstandard2.0)
      System.Security.Cryptography.Encoding (>= 4.3)
      System.Security.Cryptography.Primitives (>= 4.3)
      System.Text.Encoding (>= 4.3)
    System.Security.Cryptography.Cng (4.5) - restriction: || (&& (== net45) (>= net46)) (&& (== net45) (< portable-net45+win8+wpa81)) (== netcoreapp2.1) (== netstandard2.0)
    System.Security.Cryptography.Csp (4.3) - restriction: || (&& (== net45) (>= net46) (>= netstandard1.6)) (&& (== net45) (>= netstandard1.6) (< portable-net45+win8+wpa81)) (== netcoreapp2.1) (== netstandard2.0)
      Microsoft.NETCore.Platforms (>= 1.1) - restriction: || (&& (== net45) (>= netstandard1.3)) (== netcoreapp2.1) (== netstandard2.0)
      System.IO (>= 4.3) - restriction: || (&& (== net45) (>= netstandard1.3)) (== netcoreapp2.1) (== netstandard2.0)
      System.Reflection (>= 4.3) - restriction: || (&& (== net45) (>= netstandard1.3)) (== netcoreapp2.1) (== netstandard2.0)
      System.Resources.ResourceManager (>= 4.3) - restriction: || (&& (== net45) (>= netstandard1.3)) (== netcoreapp2.1) (== netstandard2.0)
      System.Runtime (>= 4.3) - restriction: || (&& (== net45) (>= netstandard1.3)) (== netcoreapp2.1) (== netstandard2.0)
      System.Runtime.Extensions (>= 4.3) - restriction: || (&& (== net45) (>= netstandard1.3)) (== netcoreapp2.1) (== netstandard2.0)
      System.Runtime.Handles (>= 4.3) - restriction: || (&& (== net45) (>= netstandard1.3)) (== netcoreapp2.1) (== netstandard2.0)
      System.Runtime.InteropServices (>= 4.3) - restriction: || (&& (== net45) (>= netstandard1.3)) (== netcoreapp2.1) (== netstandard2.0)
      System.Security.Cryptography.Algorithms (>= 4.3) - restriction: || (&& (== net45) (>= net46)) (&& (== net45) (>= netstandard1.3)) (== netcoreapp2.1) (== netstandard2.0)
      System.Security.Cryptography.Encoding (>= 4.3) - restriction: || (&& (== net45) (>= netstandard1.3)) (== netcoreapp2.1) (== netstandard2.0)
      System.Security.Cryptography.Primitives (>= 4.3) - restriction: || (&& (== net45) (>= net46)) (&& (== net45) (>= netstandard1.3)) (== netcoreapp2.1) (== netstandard2.0)
      System.Text.Encoding (>= 4.3) - restriction: || (&& (== net45) (>= netstandard1.3)) (== netcoreapp2.1) (== netstandard2.0)
      System.Threading (>= 4.3) - restriction: || (&& (== net45) (>= netstandard1.3)) (== netcoreapp2.1) (== netstandard2.0)
    System.Security.Cryptography.Encoding (4.3) - restriction: || (== netcoreapp2.1) (== netstandard2.0)
      Microsoft.NETCore.Platforms (>= 1.1) - restriction: || (&& (== net45) (>= netstandard1.3)) (== netcoreapp2.1) (== netstandard2.0)
      runtime.native.System.Security.Cryptography.OpenSsl (>= 4.3) - restriction: || (&& (== net45) (>= netstandard1.3)) (== netcoreapp2.1) (== netstandard2.0)
      System.Collections (>= 4.3) - restriction: || (&& (== net45) (>= netstandard1.3)) (== netcoreapp2.1) (== netstandard2.0)
      System.Collections.Concurrent (>= 4.3) - restriction: || (&& (== net45) (>= netstandard1.3)) (== netcoreapp2.1) (== netstandard2.0)
      System.Linq (>= 4.3) - restriction: || (&& (== net45) (>= netstandard1.3)) (== netcoreapp2.1) (== netstandard2.0)
      System.Resources.ResourceManager (>= 4.3) - restriction: || (&& (== net45) (>= netstandard1.3)) (== netcoreapp2.1) (== netstandard2.0)
      System.Runtime (>= 4.3) - restriction: || (&& (== net45) (>= netstandard1.3)) (== netcoreapp2.1) (== netstandard2.0)
      System.Runtime.Extensions (>= 4.3) - restriction: || (&& (== net45) (>= netstandard1.3)) (== netcoreapp2.1) (== netstandard2.0)
      System.Runtime.Handles (>= 4.3) - restriction: || (&& (== net45) (>= netstandard1.3)) (== netcoreapp2.1) (== netstandard2.0)
      System.Runtime.InteropServices (>= 4.3) - restriction: || (&& (== net45) (>= netstandard1.3)) (== netcoreapp2.1) (== netstandard2.0)
      System.Security.Cryptography.Primitives (>= 4.3) - restriction: || (&& (== net45) (>= netstandard1.3)) (== netcoreapp2.1) (== netstandard2.0)
      System.Text.Encoding (>= 4.3) - restriction: || (&& (== net45) (>= netstandard1.3)) (== netcoreapp2.1) (== netstandard2.0)
    System.Security.Cryptography.OpenSsl (4.5) - restriction: || (== netcoreapp2.1) (== netstandard2.0)
    System.Security.Cryptography.Primitives (4.3) - restriction: || (== netcoreapp2.1) (== netstandard2.0)
      System.Diagnostics.Debug (>= 4.3) - restriction: || (&& (== net45) (>= netstandard1.3)) (== netcoreapp2.1) (== netstandard2.0)
      System.Globalization (>= 4.3) - restriction: || (&& (== net45) (>= netstandard1.3)) (== netcoreapp2.1) (== netstandard2.0)
      System.IO (>= 4.3) - restriction: || (&& (== net45) (>= netstandard1.3)) (== netcoreapp2.1) (== netstandard2.0)
      System.Resources.ResourceManager (>= 4.3) - restriction: || (&& (== net45) (>= netstandard1.3)) (== netcoreapp2.1) (== netstandard2.0)
      System.Runtime (>= 4.3) - restriction: || (&& (== net45) (>= netstandard1.3)) (== netcoreapp2.1) (== netstandard2.0)
      System.Threading (>= 4.3) - restriction: || (&& (== net45) (>= netstandard1.3)) (== netcoreapp2.1) (== netstandard2.0)
      System.Threading.Tasks (>= 4.3) - restriction: || (&& (== net45) (>= netstandard1.3)) (== netcoreapp2.1) (== netstandard2.0)
    System.Security.Cryptography.X509Certificates (4.3.2) - restriction: || (&& (== net45) (>= net46)) (&& (== net45) (< portable-net45+win8+wpa81)) (== netcoreapp2.1) (== netstandard2.0)
      Microsoft.NETCore.Platforms (>= 1.1)
      runtime.native.System (>= 4.3) - restriction: || (&& (== net45) (>= netstandard1.6)) (== netcoreapp2.1) (== netstandard2.0)
      runtime.native.System.Net.Http (>= 4.3) - restriction: || (&& (== net45) (>= netstandard1.6)) (== netcoreapp2.1) (== netstandard2.0)
      runtime.native.System.Security.Cryptography.OpenSsl (>= 4.3.2) - restriction: || (&& (== net45) (>= netstandard1.6)) (== netcoreapp2.1) (== netstandard2.0)
      System.Collections (>= 4.3)
      System.Diagnostics.Debug (>= 4.3) - restriction: || (&& (== net45) (>= netstandard1.6)) (== netcoreapp2.1) (== netstandard2.0)
      System.Globalization (>= 4.3)
      System.Globalization.Calendars (>= 4.3)
      System.IO (>= 4.3)
      System.IO.FileSystem (>= 4.3)
      System.IO.FileSystem.Primitives (>= 4.3) - restriction: || (&& (== net45) (>= netstandard1.6)) (== netcoreapp2.1) (== netstandard2.0)
      System.Resources.ResourceManager (>= 4.3)
      System.Runtime (>= 4.3)
      System.Runtime.Extensions (>= 4.3)
      System.Runtime.Handles (>= 4.3)
      System.Runtime.InteropServices (>= 4.3)
      System.Runtime.Numerics (>= 4.3)
      System.Security.Cryptography.Algorithms (>= 4.3)
      System.Security.Cryptography.Cng (>= 4.3)
      System.Security.Cryptography.Csp (>= 4.3) - restriction: || (&& (== net45) (>= netstandard1.6)) (== netcoreapp2.1) (== netstandard2.0)
      System.Security.Cryptography.Encoding (>= 4.3)
      System.Security.Cryptography.OpenSsl (>= 4.3) - restriction: || (&& (== net45) (>= netstandard1.6)) (== netcoreapp2.1) (== netstandard2.0)
      System.Security.Cryptography.Primitives (>= 4.3)
      System.Text.Encoding (>= 4.3)
      System.Threading (>= 4.3)
    System.Text.Encoding (4.3) - restriction: || (&& (== net45) (< portable-net45+win8+wpa81)) (== netcoreapp2.1) (== netstandard2.0)
      Microsoft.NETCore.Platforms (>= 1.1) - restriction: || (&& (== net45) (< portable-net45+win8+wp8+wpa81)) (== netcoreapp2.1) (== netstandard2.0)
      Microsoft.NETCore.Targets (>= 1.1) - restriction: || (&& (== net45) (< portable-net45+win8+wp8+wpa81)) (== netcoreapp2.1) (== netstandard2.0)
      System.Runtime (>= 4.3) - restriction: || (&& (== net45) (< portable-net45+win8+wp8+wpa81)) (== netcoreapp2.1) (== netstandard2.0)
    System.Threading (4.3) - restriction: || (&& (== net45) (< portable-net45+win8+wpa81)) (== netcoreapp2.1) (== netstandard2.0)
      System.Runtime (>= 4.3) - restriction: || (&& (== net45) (< portable-net45+win8+wp8+wpa81)) (== netcoreapp2.1) (== netstandard2.0)
      System.Threading.Tasks (>= 4.3) - restriction: || (&& (== net45) (< portable-net45+win8+wp8+wpa81)) (== netcoreapp2.1) (== netstandard2.0)
    System.Threading.Tasks (4.3) - restriction: || (&& (== net45) (< portable-net45+win8+wpa81)) (== netcoreapp2.1) (== netstandard2.0)
      Microsoft.NETCore.Platforms (>= 1.1) - restriction: || (&& (== net45) (< portable-net45+win8+wp8+wpa81)) (== netcoreapp2.1) (== netstandard2.0)
      Microsoft.NETCore.Targets (>= 1.1) - restriction: || (&& (== net45) (< portable-net45+win8+wp8+wpa81)) (== netcoreapp2.1) (== netstandard2.0)
      System.Runtime (>= 4.3) - restriction: || (&& (== net45) (< portable-net45+win8+wp8+wpa81)) (== netcoreapp2.1) (== netstandard2.0)
    YamlDotNet (5.4)
GITHUB
  remote: fsprojects/FSharp.TypeProviders.SDK
    src/ProvidedTypes.fs (b8727a47dd83d3e88aed8f2100f6712478c64632)
    src/ProvidedTypes.fsi (b8727a47dd83d3e88aed8f2100f6712478c64632)
  remote: fsharp/FSharp.Data
    src/CommonRuntime/NameUtils.fs (33e6e825bc2978eb9ce6dd880f31d9e60d452699)
    src/CommonRuntime/Pluralizer.fs (33e6e825bc2978eb9ce6dd880f31d9e60d452699)
GROUP Build
RESTRICTION: == net461
NUGET
  remote: https://www.nuget.org/api/v2
    DotLiquid (2.0.298)
    FAKE (4.64.16)
    FSharp.Compiler.Service (2.0.0.6)
    FSharp.Core (4.6.2)
    FSharp.Formatting (2.14.4)
      FSharp.Compiler.Service (2.0.0.6)
      FSharpVSPowerTools.Core (>= 2.3 < 2.4)
    FSharpVSPowerTools.Core (2.3)
      FSharp.Compiler.Service (>= 2.0.0.3)
    Octokit (0.32)
    Suave (2.5.3)
      FSharp.Core (>= 4.0 < 5.0)
GITHUB
  remote: fsharp/FAKE
    modules/Octokit/Octokit.fsx (917a1c03b20151af3ef897542662fb4267e4f276)
      Octokit (>= 0.20)
GROUP OWIN
RESTRICTION: == net461
NUGET
  remote: https://www.nuget.org/api/v2
    FSharp.Core (4.6.2) - redirects: force
    Microsoft.AspNet.WebApi.Client (5.2.7)
      Newtonsoft.Json (>= 6.0.4)
    Microsoft.AspNet.WebApi.Core (5.2.7)
      Microsoft.AspNet.WebApi.Client (>= 5.2.7)
    Microsoft.AspNet.WebApi.Owin (5.2.7)
      Microsoft.AspNet.WebApi.Core (>= 5.2.7 < 5.3)
      Microsoft.Owin (>= 2.0.2)
      Owin (>= 1.0)
    Microsoft.AspNet.WebApi.OwinSelfHost (5.2.7)
      Microsoft.AspNet.WebApi.Owin (>= 5.2.7 < 5.3)
      Microsoft.Owin.Host.HttpListener (>= 2.0.2)
      Microsoft.Owin.Hosting (>= 2.0.2)
    Microsoft.Owin (4.0.1)
      Owin (>= 1.0)
    Microsoft.Owin.Host.HttpListener (4.0.1)
    Microsoft.Owin.Hosting (4.0.1)
      Microsoft.Owin (>= 4.0.1)
      Owin (>= 1.0)
    Newtonsoft.Json (12.0.1)
    Owin (1.0)
    Swashbuckle.Core (5.6)
      Microsoft.AspNet.WebApi.Core (>= 4.0.20710)
      Newtonsoft.Json (>= 7.0.1)

GROUP Test
RESTRICTION: == net461
NUGET
  remote: https://www.nuget.org/api/v2
    Expecto (8.9.1)
      FSharp.Core (>= 4.3.4)
      Mono.Cecil (>= 0.10.3)
    FSharp.Compiler.Service (27.0.1) - redirects: force
      FSharp.Core (>= 4.5.2)
      System.Collections.Immutable (>= 1.5)
      System.Reflection.Metadata (>= 1.6)
      System.ValueTuple (>= 4.4)
    FSharp.Core (4.6.2) - redirects: force
    Mono.Cecil (0.10.3)
    System.Collections.Immutable (1.5) - redirects: force
    System.Reflection.Metadata (1.6) - redirects: force
      System.Collections.Immutable (>= 1.5)
    System.ValueTuple (4.5) - redirects: force
