RESTRICTION: || (== net46) (== netcoreapp3.1) (== netstandard2.0)
NUGET
  remote: https://api.nuget.org/v3/index.json
    FSharp.Core (4.3.4)
    Microsoft.NETCore.Platforms (3.1.1) - restriction: || (&& (== net46) (< net45)) (&& (== net46) (>= netcoreapp5.0)) (== netcoreapp3.1) (== netstandard2.0)
    Microsoft.NETCore.Targets (3.1) - restriction: || (&& (== net46) (< net45) (>= netstandard1.6)) (== netcoreapp3.1) (== netstandard2.0)
    Microsoft.OpenApi (1.1.4)
    Microsoft.OpenApi.Readers (1.1.4)
      Microsoft.OpenApi (>= 1.1.4)
      SharpYaml (>= 1.6.1)
    NETStandard.Library.NETFramework (2.0.0-preview2-25405-01)
    Newtonsoft.Json (12.0.3)
    runtime.debian.8-x64.runtime.native.System.Security.Cryptography.OpenSsl (4.3.3) - restriction: || (&& (== net46) (< net45) (>= netstandard1.6)) (== netcoreapp3.1) (== netstandard2.0)
    runtime.debian.9-x64.runtime.native.System.Security.Cryptography.OpenSsl (4.3.3) - restriction: || (&& (== net46) (< net45) (>= netstandard1.6)) (== netcoreapp3.1) (== netstandard2.0)
    runtime.fedora.23-x64.runtime.native.System.Security.Cryptography.OpenSsl (4.3.3) - restriction: || (&& (== net46) (< net45) (>= netstandard1.6)) (== netcoreapp3.1) (== netstandard2.0)
    runtime.fedora.24-x64.runtime.native.System.Security.Cryptography.OpenSsl (4.3.3) - restriction: || (&& (== net46) (< net45) (>= netstandard1.6)) (== netcoreapp3.1) (== netstandard2.0)
    runtime.fedora.27-x64.runtime.native.System.Security.Cryptography.OpenSsl (4.3.3) - restriction: || (&& (== net46) (< net45) (>= netstandard1.6)) (== netcoreapp3.1) (== netstandard2.0)
    runtime.fedora.28-x64.runtime.native.System.Security.Cryptography.OpenSsl (4.3.3) - restriction: || (&& (== net46) (< net45) (>= netstandard1.6)) (== netcoreapp3.1) (== netstandard2.0)
    runtime.native.System (4.3.1) - restriction: || (&& (== net46) (< net45) (>= netstandard1.6)) (== netcoreapp3.1) (== netstandard2.0)
      Microsoft.NETCore.Platforms (>= 1.1.1)
      Microsoft.NETCore.Targets (>= 1.1.3)
    runtime.native.System.Net.Http (4.3.1) - restriction: || (&& (== net46) (< net45) (>= netstandard1.6)) (== netcoreapp3.1) (== netstandard2.0)
      Microsoft.NETCore.Platforms (>= 1.1.1)
      Microsoft.NETCore.Targets (>= 1.1.3)
    runtime.native.System.Security.Cryptography.Apple (4.3.1) - restriction: || (&& (== net46) (< net45) (>= netstandard1.6)) (== netcoreapp3.1) (== netstandard2.0)
      runtime.osx.10.10-x64.runtime.native.System.Security.Cryptography.Apple (>= 4.3.1)
    runtime.native.System.Security.Cryptography.OpenSsl (4.3.3) - restriction: || (&& (== net46) (< net45) (>= netstandard1.6)) (== netcoreapp3.1) (== netstandard2.0)
      runtime.debian.8-x64.runtime.native.System.Security.Cryptography.OpenSsl (>= 4.3.3)
      runtime.debian.9-x64.runtime.native.System.Security.Cryptography.OpenSsl (>= 4.3.3)
      runtime.fedora.23-x64.runtime.native.System.Security.Cryptography.OpenSsl (>= 4.3.3)
      runtime.fedora.24-x64.runtime.native.System.Security.Cryptography.OpenSsl (>= 4.3.3)
      runtime.fedora.27-x64.runtime.native.System.Security.Cryptography.OpenSsl (>= 4.3.3)
      runtime.fedora.28-x64.runtime.native.System.Security.Cryptography.OpenSsl (>= 4.3.3)
      runtime.opensuse.13.2-x64.runtime.native.System.Security.Cryptography.OpenSsl (>= 4.3.3)
      runtime.opensuse.42.1-x64.runtime.native.System.Security.Cryptography.OpenSsl (>= 4.3.3)
      runtime.opensuse.42.3-x64.runtime.native.System.Security.Cryptography.OpenSsl (>= 4.3.3)
      runtime.osx.10.10-x64.runtime.native.System.Security.Cryptography.OpenSsl (>= 4.3.3)
      runtime.rhel.7-x64.runtime.native.System.Security.Cryptography.OpenSsl (>= 4.3.3)
      runtime.ubuntu.14.04-x64.runtime.native.System.Security.Cryptography.OpenSsl (>= 4.3.3)
      runtime.ubuntu.16.04-x64.runtime.native.System.Security.Cryptography.OpenSsl (>= 4.3.3)
      runtime.ubuntu.16.10-x64.runtime.native.System.Security.Cryptography.OpenSsl (>= 4.3.3)
      runtime.ubuntu.18.04-x64.runtime.native.System.Security.Cryptography.OpenSsl (>= 4.3.3)
    runtime.opensuse.13.2-x64.runtime.native.System.Security.Cryptography.OpenSsl (4.3.3) - restriction: || (&& (== net46) (< net45) (>= netstandard1.6)) (== netcoreapp3.1) (== netstandard2.0)
    runtime.opensuse.42.1-x64.runtime.native.System.Security.Cryptography.OpenSsl (4.3.3) - restriction: || (&& (== net46) (< net45) (>= netstandard1.6)) (== netcoreapp3.1) (== netstandard2.0)
    runtime.opensuse.42.3-x64.runtime.native.System.Security.Cryptography.OpenSsl (4.3.3) - restriction: || (&& (== net46) (< net45) (>= netstandard1.6)) (== netcoreapp3.1) (== netstandard2.0)
    runtime.osx.10.10-x64.runtime.native.System.Security.Cryptography.Apple (4.3.1) - restriction: || (&& (== net46) (< net45) (>= netstandard1.6)) (== netcoreapp3.1) (== netstandard2.0)
    runtime.osx.10.10-x64.runtime.native.System.Security.Cryptography.OpenSsl (4.3.3) - restriction: || (&& (== net46) (< net45) (>= netstandard1.6)) (== netcoreapp3.1) (== netstandard2.0)
    runtime.rhel.7-x64.runtime.native.System.Security.Cryptography.OpenSsl (4.3.3) - restriction: || (&& (== net46) (< net45) (>= netstandard1.6)) (== netcoreapp3.1) (== netstandard2.0)
    runtime.ubuntu.14.04-x64.runtime.native.System.Security.Cryptography.OpenSsl (4.3.3) - restriction: || (&& (== net46) (< net45) (>= netstandard1.6)) (== netcoreapp3.1) (== netstandard2.0)
    runtime.ubuntu.16.04-x64.runtime.native.System.Security.Cryptography.OpenSsl (4.3.3) - restriction: || (&& (== net46) (< net45) (>= netstandard1.6)) (== netcoreapp3.1) (== netstandard2.0)
    runtime.ubuntu.16.10-x64.runtime.native.System.Security.Cryptography.OpenSsl (4.3.3) - restriction: || (&& (== net46) (< net45) (>= netstandard1.6)) (== netcoreapp3.1) (== netstandard2.0)
    runtime.ubuntu.18.04-x64.runtime.native.System.Security.Cryptography.OpenSsl (4.3.3) - restriction: || (&& (== net46) (< net45) (>= netstandard1.6)) (== netcoreapp3.1) (== netstandard2.0)
    SharpYaml (1.6.6)
      System.Reflection.TypeExtensions (>= 4.3) - restriction: || (&& (== net46) (< net35)) (== netcoreapp3.1) (== netstandard2.0)
    System.Buffers (4.5.1) - restriction: || (&& (== net46) (== netcoreapp3.1)) (&& (== net46) (>= monoandroid)) (&& (== net46) (>= monotouch)) (&& (== net46) (< net45)) (&& (== net46) (>= netcoreapp5.0)) (&& (== net46) (< netstandard1.1)) (&& (== net46) (>= uap10.1)) (&& (== net46) (>= wpa81)) (&& (== net46) (>= xamarinios)) (&& (== net46) (>= xamarinmac)) (&& (== net46) (>= xamarintvos)) (&& (== net46) (>= xamarinwatchos)) (&& (== netcoreapp3.1) (>= monoandroid)) (&& (== netcoreapp3.1) (>= monotouch)) (&& (== netcoreapp3.1) (>= net45) (< netstandard1.3)) (&& (== netcoreapp3.1) (>= net46)) (&& (== netcoreapp3.1) (>= net461)) (&& (== netcoreapp3.1) (< netcoreapp2.0)) (&& (== netcoreapp3.1) (< netstandard1.1)) (&& (== netcoreapp3.1) (< netstandard2.0)) (&& (== netcoreapp3.1) (>= uap10.1)) (&& (== netcoreapp3.1) (>= xamarinios)) (&& (== netcoreapp3.1) (>= xamarinmac)) (&& (== netcoreapp3.1) (>= xamarintvos)) (&& (== netcoreapp3.1) (>= xamarinwatchos)) (== netstandard2.0)
    System.Collections (4.3) - restriction: || (&& (== net46) (< net45)) (&& (== net46) (>= netcoreapp5.0)) (== netcoreapp3.1) (== netstandard2.0)
      Microsoft.NETCore.Platforms (>= 1.1) - restriction: || (&& (== net46) (< net45)) (&& (== net46) (>= netcoreapp5.0)) (== netcoreapp3.1) (== netstandard2.0)
      Microsoft.NETCore.Targets (>= 1.1) - restriction: || (&& (== net46) (< net45)) (&& (== net46) (>= netcoreapp5.0)) (== netcoreapp3.1) (== netstandard2.0)
      System.Runtime (>= 4.3) - restriction: || (&& (== net46) (< net45)) (&& (== net46) (>= netcoreapp5.0)) (== netcoreapp3.1) (== netstandard2.0)
    System.Collections.Concurrent (4.3) - restriction: || (&& (== net46) (< net45)) (== netcoreapp3.1) (== netstandard2.0)
      System.Collections (>= 4.3) - restriction: || (&& (== net46) (< net45)) (&& (== net46) (>= netcoreapp5.0)) (== netcoreapp3.1) (== netstandard2.0)
      System.Diagnostics.Debug (>= 4.3) - restriction: || (&& (== net46) (< net45)) (&& (== net46) (>= netcoreapp5.0)) (== netcoreapp3.1) (== netstandard2.0)
      System.Diagnostics.Tracing (>= 4.3) - restriction: || (&& (== net46) (< net45)) (&& (== net46) (>= netcoreapp5.0)) (== netcoreapp3.1) (== netstandard2.0)
      System.Globalization (>= 4.3) - restriction: || (&& (== net46) (< net45)) (&& (== net46) (>= netcoreapp5.0)) (== netcoreapp3.1) (== netstandard2.0)
      System.Reflection (>= 4.3) - restriction: || (&& (== net46) (< net45)) (== netcoreapp3.1) (== netstandard2.0)
      System.Resources.ResourceManager (>= 4.3) - restriction: || (&& (== net46) (< net45)) (&& (== net46) (>= netcoreapp5.0)) (== netcoreapp3.1) (== netstandard2.0)
      System.Runtime (>= 4.3) - restriction: || (&& (== net46) (< net45)) (&& (== net46) (>= netcoreapp5.0)) (== netcoreapp3.1) (== netstandard2.0)
      System.Runtime.Extensions (>= 4.3) - restriction: || (&& (== net46) (< net45)) (&& (== net46) (>= netcoreapp5.0)) (== netcoreapp3.1) (== netstandard2.0)
      System.Threading (>= 4.3) - restriction: || (&& (== net46) (< net45)) (&& (== net46) (>= netcoreapp5.0)) (== netcoreapp3.1) (== netstandard2.0)
      System.Threading.Tasks (>= 4.3) - restriction: || (&& (== net46) (< net45)) (&& (== net46) (>= netcoreapp5.0)) (== netcoreapp3.1) (== netstandard2.0)
    System.Diagnostics.Debug (4.3) - restriction: || (&& (== net46) (< net45)) (&& (== net46) (>= netcoreapp5.0)) (== netcoreapp3.1) (== netstandard2.0)
      Microsoft.NETCore.Platforms (>= 1.1) - restriction: || (&& (== net46) (< net45)) (&& (== net46) (>= netcoreapp5.0)) (== netcoreapp3.1) (== netstandard2.0)
      Microsoft.NETCore.Targets (>= 1.1) - restriction: || (&& (== net46) (< net45)) (&& (== net46) (>= netcoreapp5.0)) (== netcoreapp3.1) (== netstandard2.0)
      System.Runtime (>= 4.3) - restriction: || (&& (== net46) (< net45)) (&& (== net46) (>= netcoreapp5.0)) (== netcoreapp3.1) (== netstandard2.0)
    System.Diagnostics.DiagnosticSource (4.7.1) - restriction: || (&& (== net46) (< net45)) (&& (== net46) (>= netcoreapp5.0)) (== netcoreapp3.1) (== netstandard2.0)
      System.Memory (>= 4.5.4) - restriction: || (== net46) (&& (== netcoreapp3.1) (>= net45) (< netstandard1.3)) (&& (== netcoreapp3.1) (>= net46)) (&& (== netcoreapp3.1) (< netcoreapp2.1)) (&& (== netcoreapp3.1) (< netstandard2.0)) (&& (== netcoreapp3.1) (>= uap10.1)) (== netstandard2.0)
    System.Diagnostics.Tracing (4.3) - restriction: || (&& (== net46) (< net45)) (&& (== net46) (>= netcoreapp5.0)) (== netcoreapp3.1) (== netstandard2.0)
      Microsoft.NETCore.Platforms (>= 1.1) - restriction: || (&& (== net46) (< net45)) (&& (== net46) (>= netcoreapp5.0)) (== netcoreapp3.1) (== netstandard2.0)
      Microsoft.NETCore.Targets (>= 1.1) - restriction: || (&& (== net46) (< net45)) (&& (== net46) (>= netcoreapp5.0)) (== netcoreapp3.1) (== netstandard2.0)
      System.Runtime (>= 4.3) - restriction: || (&& (== net46) (< net45)) (&& (== net46) (>= netcoreapp5.0)) (== netcoreapp3.1) (== netstandard2.0)
    System.Globalization (4.3) - restriction: || (&& (== net46) (< net45)) (&& (== net46) (>= netcoreapp5.0)) (== netcoreapp3.1) (== netstandard2.0)
      Microsoft.NETCore.Platforms (>= 1.1) - restriction: || (&& (== net46) (< net45)) (&& (== net46) (>= netcoreapp5.0)) (== netcoreapp3.1) (== netstandard2.0)
      Microsoft.NETCore.Targets (>= 1.1) - restriction: || (&& (== net46) (< net45)) (&& (== net46) (>= netcoreapp5.0)) (== netcoreapp3.1) (== netstandard2.0)
      System.Runtime (>= 4.3) - restriction: || (&& (== net46) (< net45)) (&& (== net46) (>= netcoreapp5.0)) (== netcoreapp3.1) (== netstandard2.0)
    System.Globalization.Calendars (4.3) - restriction: || (&& (== net46) (>= netcoreapp5.0)) (== netcoreapp3.1) (== netstandard2.0)
      Microsoft.NETCore.Platforms (>= 1.1) - restriction: || (== netcoreapp3.1) (== netstandard2.0)
      Microsoft.NETCore.Targets (>= 1.1) - restriction: || (== netcoreapp3.1) (== netstandard2.0)
      System.Globalization (>= 4.3) - restriction: || (== netcoreapp3.1) (== netstandard2.0)
      System.Runtime (>= 4.3) - restriction: || (== netcoreapp3.1) (== netstandard2.0)
    System.Globalization.Extensions (4.3) - restriction: || (&& (== net46) (< net45) (>= netstandard1.6)) (== netcoreapp3.1) (== netstandard2.0)
      Microsoft.NETCore.Platforms (>= 1.1) - restriction: || (== netcoreapp3.1) (== netstandard2.0)
      System.Globalization (>= 4.3) - restriction: || (== netcoreapp3.1) (== netstandard2.0)
      System.Resources.ResourceManager (>= 4.3) - restriction: || (== netcoreapp3.1) (== netstandard2.0)
      System.Runtime (>= 4.3) - restriction: || (== netcoreapp3.1) (== netstandard2.0)
      System.Runtime.Extensions (>= 4.3) - restriction: || (== netcoreapp3.1) (== netstandard2.0)
      System.Runtime.InteropServices (>= 4.3) - restriction: || (== netcoreapp3.1) (== netstandard2.0)
    System.IO (4.3) - restriction: || (&& (== net46) (< net45)) (&& (== net46) (>= netcoreapp5.0)) (== netcoreapp3.1) (== netstandard2.0)
      Microsoft.NETCore.Platforms (>= 1.1) - restriction: || (&& (== net46) (< net45)) (&& (== net46) (>= netcoreapp5.0)) (== netcoreapp3.1) (== netstandard2.0)
      Microsoft.NETCore.Targets (>= 1.1) - restriction: || (&& (== net46) (< net45)) (&& (== net46) (>= netcoreapp5.0)) (== netcoreapp3.1) (== netstandard2.0)
      System.Runtime (>= 4.3) - restriction: || (&& (== net46) (< net45)) (&& (== net46) (>= netcoreapp5.0)) (== netcoreapp3.1) (== netstandard2.0)
      System.Text.Encoding (>= 4.3) - restriction: || (&& (== net46) (< net45)) (&& (== net46) (>= netcoreapp5.0)) (== netcoreapp3.1) (== netstandard2.0)
      System.Threading.Tasks (>= 4.3) - restriction: || (&& (== net46) (< net45)) (&& (== net46) (>= netcoreapp5.0)) (== netcoreapp3.1) (== netstandard2.0)
    System.IO.FileSystem (4.3) - restriction: || (&& (== net46) (< net45) (>= netstandard1.6)) (== netcoreapp3.1) (== netstandard2.0)
      Microsoft.NETCore.Platforms (>= 1.1) - restriction: || (== netcoreapp3.1) (== netstandard2.0)
      Microsoft.NETCore.Targets (>= 1.1) - restriction: || (== netcoreapp3.1) (== netstandard2.0)
      System.IO (>= 4.3) - restriction: || (== netcoreapp3.1) (== netstandard2.0)
      System.IO.FileSystem.Primitives (>= 4.3)
      System.Runtime (>= 4.3) - restriction: || (== netcoreapp3.1) (== netstandard2.0)
      System.Runtime.Handles (>= 4.3) - restriction: || (== netcoreapp3.1) (== netstandard2.0)
      System.Text.Encoding (>= 4.3) - restriction: || (== netcoreapp3.1) (== netstandard2.0)
      System.Threading.Tasks (>= 4.3) - restriction: || (== netcoreapp3.1) (== netstandard2.0)
    System.IO.FileSystem.Primitives (4.3) - restriction: || (&& (== net46) (< net45) (>= netstandard1.6)) (== netcoreapp3.1) (== netstandard2.0)
      System.Runtime (>= 4.3) - restriction: || (== netcoreapp3.1) (== netstandard2.0)
    System.Linq (4.3) - restriction: || (&& (== net46) (< net45)) (== netcoreapp3.1) (== netstandard2.0)
      System.Collections (>= 4.3) - restriction: || (&& (== net46) (< net45)) (&& (== net46) (>= netcoreapp5.0)) (== netcoreapp3.1) (== netstandard2.0)
      System.Diagnostics.Debug (>= 4.3) - restriction: || (&& (== net46) (< net45) (>= netstandard1.6)) (&& (== net46) (>= netcoreapp5.0)) (== netcoreapp3.1) (== netstandard2.0)
      System.Resources.ResourceManager (>= 4.3) - restriction: || (&& (== net46) (< net45) (>= netstandard1.6)) (&& (== net46) (>= netcoreapp5.0)) (== netcoreapp3.1) (== netstandard2.0)
      System.Runtime (>= 4.3) - restriction: || (&& (== net46) (< net45)) (&& (== net46) (>= netcoreapp5.0)) (== netcoreapp3.1) (== netstandard2.0)
      System.Runtime.Extensions (>= 4.3) - restriction: || (&& (== net46) (< net45) (>= netstandard1.6)) (&& (== net46) (>= netcoreapp5.0)) (== netcoreapp3.1) (== netstandard2.0)
    System.Memory (4.5.4) - restriction: || (&& (== net46) (== netcoreapp3.1)) (&& (== net46) (< net45)) (&& (== net46) (>= netcoreapp5.0)) (&& (== net46) (>= uap10.1)) (&& (== netcoreapp3.1) (>= net45) (< netstandard1.3)) (&& (== netcoreapp3.1) (>= net46)) (&& (== netcoreapp3.1) (< netcoreapp2.1)) (&& (== netcoreapp3.1) (< netstandard2.0)) (&& (== netcoreapp3.1) (>= uap10.1)) (== netstandard2.0)
      System.Buffers (>= 4.5.1) - restriction: || (== net46) (&& (== netcoreapp3.1) (>= monoandroid)) (&& (== netcoreapp3.1) (>= monotouch)) (&& (== netcoreapp3.1) (>= net461)) (&& (== netcoreapp3.1) (< netcoreapp2.0)) (&& (== netcoreapp3.1) (< netstandard1.1)) (&& (== netcoreapp3.1) (< netstandard2.0)) (&& (== netcoreapp3.1) (>= xamarinios)) (&& (== netcoreapp3.1) (>= xamarinmac)) (&& (== netcoreapp3.1) (>= xamarintvos)) (&& (== netcoreapp3.1) (>= xamarinwatchos)) (== netstandard2.0)
      System.Numerics.Vectors (>= 4.4) - restriction: || (&& (== net46) (< net45) (>= netstandard2.0)) (&& (== netcoreapp3.1) (< netcoreapp2.0)) (== netstandard2.0)
      System.Runtime.CompilerServices.Unsafe (>= 4.5.3) - restriction: || (== net46) (&& (== netcoreapp3.1) (>= monoandroid)) (&& (== netcoreapp3.1) (>= monotouch)) (&& (== netcoreapp3.1) (>= net461)) (&& (== netcoreapp3.1) (< netcoreapp2.0)) (&& (== netcoreapp3.1) (< netcoreapp2.1)) (&& (== netcoreapp3.1) (< netstandard1.1)) (&& (== netcoreapp3.1) (< netstandard2.0)) (&& (== netcoreapp3.1) (>= uap10.1)) (&& (== netcoreapp3.1) (>= xamarinios)) (&& (== netcoreapp3.1) (>= xamarinmac)) (&& (== netcoreapp3.1) (>= xamarintvos)) (&& (== netcoreapp3.1) (>= xamarinwatchos)) (== netstandard2.0)
    System.Net.Http (4.3.4)
      Microsoft.NETCore.Platforms (>= 1.1.1) - restriction: || (&& (== net46) (< net45)) (&& (== net46) (>= netcoreapp5.0)) (== netcoreapp3.1) (== netstandard2.0)
      runtime.native.System (>= 4.3) - restriction: || (&& (== net46) (< net45) (>= netstandard1.6)) (== netcoreapp3.1) (== netstandard2.0)
      runtime.native.System.Net.Http (>= 4.3) - restriction: || (&& (== net46) (< net45) (>= netstandard1.6)) (== netcoreapp3.1) (== netstandard2.0)
      runtime.native.System.Security.Cryptography.OpenSsl (>= 4.3.2) - restriction: || (&& (== net46) (< net45) (>= netstandard1.6)) (== netcoreapp3.1) (== netstandard2.0)
      System.Collections (>= 4.3) - restriction: || (&& (== net46) (< net45)) (&& (== net46) (>= netcoreapp5.0)) (== netcoreapp3.1) (== netstandard2.0)
      System.Diagnostics.Debug (>= 4.3) - restriction: || (&& (== net46) (< net45)) (&& (== net46) (>= netcoreapp5.0)) (== netcoreapp3.1) (== netstandard2.0)
      System.Diagnostics.DiagnosticSource (>= 4.3) - restriction: || (&& (== net46) (< net45)) (&& (== net46) (>= netcoreapp5.0)) (== netcoreapp3.1) (== netstandard2.0)
      System.Diagnostics.Tracing (>= 4.3) - restriction: || (&& (== net46) (< net45)) (&& (== net46) (>= netcoreapp5.0)) (== netcoreapp3.1) (== netstandard2.0)
      System.Globalization (>= 4.3) - restriction: || (&& (== net46) (< net45)) (&& (== net46) (>= netcoreapp5.0)) (== netcoreapp3.1) (== netstandard2.0)
      System.Globalization.Extensions (>= 4.3) - restriction: || (&& (== net46) (< net45) (>= netstandard1.6)) (== netcoreapp3.1) (== netstandard2.0)
      System.IO (>= 4.3) - restriction: || (&& (== net46) (< net45)) (&& (== net46) (>= netcoreapp5.0)) (== netcoreapp3.1) (== netstandard2.0)
      System.IO.FileSystem (>= 4.3) - restriction: || (&& (== net46) (< net45) (>= netstandard1.6)) (== netcoreapp3.1) (== netstandard2.0)
      System.Net.Primitives (>= 4.3) - restriction: || (&& (== net46) (< net45)) (&& (== net46) (>= netcoreapp5.0)) (== netcoreapp3.1) (== netstandard2.0)
      System.Resources.ResourceManager (>= 4.3) - restriction: || (&& (== net46) (< net45)) (&& (== net46) (>= netcoreapp5.0)) (== netcoreapp3.1) (== netstandard2.0)
      System.Runtime (>= 4.3) - restriction: || (&& (== net46) (< net45)) (&& (== net46) (>= netcoreapp5.0)) (== netcoreapp3.1) (== netstandard2.0)
      System.Runtime.Extensions (>= 4.3) - restriction: || (&& (== net46) (< net45)) (&& (== net46) (>= netcoreapp5.0)) (== netcoreapp3.1) (== netstandard2.0)
      System.Runtime.Handles (>= 4.3) - restriction: || (&& (== net46) (< net45)) (== netcoreapp3.1) (== netstandard2.0)
      System.Runtime.InteropServices (>= 4.3) - restriction: || (&& (== net46) (< net45)) (&& (== net46) (>= netcoreapp5.0)) (== netcoreapp3.1) (== netstandard2.0)
      System.Security.Cryptography.Algorithms (>= 4.3) - restriction: || (&& (== net46) (< net45) (>= netstandard1.6)) (== netcoreapp3.1) (== netstandard2.0)
      System.Security.Cryptography.Encoding (>= 4.3) - restriction: || (&& (== net46) (< net45)) (== netcoreapp3.1) (== netstandard2.0)
      System.Security.Cryptography.OpenSsl (>= 4.3) - restriction: || (&& (== net46) (< net45) (>= netstandard1.6)) (== netcoreapp3.1) (== netstandard2.0)
      System.Security.Cryptography.Primitives (>= 4.3) - restriction: || (&& (== net46) (< net45) (>= netstandard1.6)) (== netcoreapp3.1) (== netstandard2.0)
      System.Security.Cryptography.X509Certificates (>= 4.3)
      System.Text.Encoding (>= 4.3) - restriction: || (&& (== net46) (< net45)) (&& (== net46) (>= netcoreapp5.0)) (== netcoreapp3.1) (== netstandard2.0)
      System.Threading (>= 4.3) - restriction: || (&& (== net46) (< net45)) (&& (== net46) (>= netcoreapp5.0)) (== netcoreapp3.1) (== netstandard2.0)
      System.Threading.Tasks (>= 4.3) - restriction: || (&& (== net46) (< net45)) (&& (== net46) (>= netcoreapp5.0)) (== netcoreapp3.1) (== netstandard2.0)
    System.Net.Primitives (4.3.1) - restriction: || (&& (== net46) (< net45)) (&& (== net46) (>= netcoreapp5.0)) (== netcoreapp3.1) (== netstandard2.0)
      Microsoft.NETCore.Platforms (>= 1.1.1) - restriction: || (&& (== net46) (< net45)) (&& (== net46) (>= netcoreapp5.0)) (&& (== net46) (< netstandard1.1)) (== netcoreapp3.1) (== netstandard2.0)
      Microsoft.NETCore.Targets (>= 1.1.3) - restriction: || (&& (== net46) (< net45)) (&& (== net46) (>= netcoreapp5.0)) (&& (== net46) (< netstandard1.1)) (== netcoreapp3.1) (== netstandard2.0)
      System.Runtime (>= 4.3.1) - restriction: || (&& (== net46) (< net45)) (&& (== net46) (>= netcoreapp5.0)) (&& (== net46) (< netstandard1.1)) (== netcoreapp3.1) (== netstandard2.0)
      System.Runtime.Handles (>= 4.3) - restriction: || (&& (== net46) (< net45)) (&& (== net46) (>= netcoreapp5.0)) (== netcoreapp3.1) (== netstandard2.0)
    System.Numerics.Vectors (4.5) - restriction: || (&& (== net46) (== netcoreapp3.1)) (&& (== net46) (< net45) (>= netstandard2.0)) (&& (== net46) (>= netcoreapp5.0)) (&& (== net46) (>= netstandard2.0) (>= uap10.1)) (&& (== netcoreapp3.1) (>= net45) (< netstandard1.3)) (&& (== netcoreapp3.1) (>= net46)) (&& (== netcoreapp3.1) (< netcoreapp2.0)) (&& (== netcoreapp3.1) (< netstandard2.0)) (&& (== netcoreapp3.1) (>= uap10.1)) (== netstandard2.0)
    System.Reflection (4.3) - restriction: || (&& (== net46) (< net45)) (&& (== net46) (>= netcoreapp5.0)) (== netcoreapp3.1) (== netstandard2.0)
      Microsoft.NETCore.Platforms (>= 1.1) - restriction: || (&& (== net46) (< net45)) (&& (== net46) (>= netcoreapp5.0)) (== netcoreapp3.1) (== netstandard2.0)
      Microsoft.NETCore.Targets (>= 1.1) - restriction: || (&& (== net46) (< net45)) (&& (== net46) (>= netcoreapp5.0)) (== netcoreapp3.1) (== netstandard2.0)
      System.IO (>= 4.3) - restriction: || (&& (== net46) (< net45)) (&& (== net46) (>= netcoreapp5.0)) (== netcoreapp3.1) (== netstandard2.0)
      System.Reflection.Primitives (>= 4.3) - restriction: || (&& (== net46) (< net45)) (&& (== net46) (>= netcoreapp5.0)) (== netcoreapp3.1) (== netstandard2.0)
      System.Runtime (>= 4.3) - restriction: || (&& (== net46) (< net45)) (&& (== net46) (>= netcoreapp5.0)) (== netcoreapp3.1) (== netstandard2.0)
    System.Reflection.Primitives (4.3) - restriction: || (&& (== net46) (< net45)) (&& (== net46) (>= netcoreapp1.1)) (&& (== net46) (>= netcoreapp5.0)) (== netcoreapp3.1) (== netstandard2.0)
      Microsoft.NETCore.Platforms (>= 1.1) - restriction: || (&& (== net46) (< net45)) (&& (== net46) (>= netcoreapp5.0)) (== netcoreapp3.1) (== netstandard2.0)
      Microsoft.NETCore.Targets (>= 1.1) - restriction: || (&& (== net46) (< net45)) (&& (== net46) (>= netcoreapp5.0)) (== netcoreapp3.1) (== netstandard2.0)
      System.Runtime (>= 4.3) - restriction: || (&& (== net46) (< net45)) (&& (== net46) (>= netcoreapp5.0)) (== netcoreapp3.1) (== netstandard2.0)
    System.Reflection.TypeExtensions (4.7) - restriction: || (&& (== net46) (< net35)) (== netcoreapp3.1) (== netstandard2.0)
    System.Resources.ResourceManager (4.3) - restriction: || (&& (== net46) (< net45)) (&& (== net46) (>= netcoreapp5.0)) (== netcoreapp3.1) (== netstandard2.0)
      Microsoft.NETCore.Platforms (>= 1.1) - restriction: || (&& (== net46) (< net45)) (&& (== net46) (>= netcoreapp5.0)) (== netcoreapp3.1) (== netstandard2.0)
      Microsoft.NETCore.Targets (>= 1.1) - restriction: || (&& (== net46) (< net45)) (&& (== net46) (>= netcoreapp5.0)) (== netcoreapp3.1) (== netstandard2.0)
      System.Globalization (>= 4.3) - restriction: || (&& (== net46) (< net45)) (&& (== net46) (>= netcoreapp5.0)) (== netcoreapp3.1) (== netstandard2.0)
      System.Reflection (>= 4.3) - restriction: || (&& (== net46) (< net45)) (&& (== net46) (>= netcoreapp5.0)) (== netcoreapp3.1) (== netstandard2.0)
      System.Runtime (>= 4.3) - restriction: || (&& (== net46) (< net45)) (&& (== net46) (>= netcoreapp5.0)) (== netcoreapp3.1) (== netstandard2.0)
    System.Runtime (4.3.1) - restriction: || (&& (== net46) (< net45)) (&& (== net46) (>= netcoreapp5.0)) (&& (== net46) (< netstandard1.1)) (== netcoreapp3.1) (== netstandard2.0)
      Microsoft.NETCore.Platforms (>= 1.1.1) - restriction: || (&& (== net46) (< net45)) (&& (== net46) (>= netcoreapp5.0)) (== netcoreapp3.1) (== netstandard2.0)
      Microsoft.NETCore.Targets (>= 1.1.3) - restriction: || (&& (== net46) (< net45)) (&& (== net46) (>= netcoreapp5.0)) (== netcoreapp3.1) (== netstandard2.0)
    System.Runtime.CompilerServices.Unsafe (4.7.1) - restriction: || (&& (== net46) (== netcoreapp3.1)) (&& (== net46) (>= monoandroid)) (&& (== net46) (>= monotouch)) (&& (== net46) (< net45)) (&& (== net46) (>= netcoreapp2.0)) (&& (== net46) (>= netcoreapp5.0)) (&& (== net46) (< netstandard1.1)) (&& (== net46) (>= uap10.1)) (&& (== net46) (>= wpa81)) (&& (== net46) (>= xamarinios)) (&& (== net46) (>= xamarinmac)) (&& (== net46) (>= xamarintvos)) (&& (== net46) (>= xamarinwatchos)) (&& (== netcoreapp3.1) (>= monoandroid)) (&& (== netcoreapp3.1) (>= monotouch)) (&& (== netcoreapp3.1) (>= net45) (< netstandard1.3)) (&& (== netcoreapp3.1) (>= net46)) (&& (== netcoreapp3.1) (>= net461)) (&& (== netcoreapp3.1) (< netcoreapp2.0)) (&& (== netcoreapp3.1) (< netcoreapp2.1)) (&& (== netcoreapp3.1) (< netstandard1.1)) (&& (== netcoreapp3.1) (< netstandard2.0)) (&& (== netcoreapp3.1) (>= uap10.1)) (&& (== netcoreapp3.1) (>= xamarinios)) (&& (== netcoreapp3.1) (>= xamarinmac)) (&& (== netcoreapp3.1) (>= xamarintvos)) (&& (== netcoreapp3.1) (>= xamarinwatchos)) (== netstandard2.0)
    System.Runtime.Extensions (4.3.1) - restriction: || (&& (== net46) (< net45)) (&& (== net46) (>= netcoreapp5.0)) (== netcoreapp3.1) (== netstandard2.0)
      Microsoft.NETCore.Platforms (>= 1.1.1) - restriction: || (&& (== net46) (< net45)) (&& (== net46) (>= netcoreapp5.0)) (== netcoreapp3.1) (== netstandard2.0)
      Microsoft.NETCore.Targets (>= 1.1.3) - restriction: || (&& (== net46) (< net45)) (&& (== net46) (>= netcoreapp5.0)) (== netcoreapp3.1) (== netstandard2.0)
      System.Runtime (>= 4.3.1) - restriction: || (&& (== net46) (< net45)) (&& (== net46) (>= netcoreapp5.0)) (== netcoreapp3.1) (== netstandard2.0)
    System.Runtime.Handles (4.3) - restriction: || (&& (== net46) (< net45)) (== netcoreapp3.1) (== netstandard2.0)
      Microsoft.NETCore.Platforms (>= 1.1) - restriction: || (== netcoreapp3.1) (== netstandard2.0)
      Microsoft.NETCore.Targets (>= 1.1) - restriction: || (== netcoreapp3.1) (== netstandard2.0)
      System.Runtime (>= 4.3) - restriction: || (== netcoreapp3.1) (== netstandard2.0)
    System.Runtime.InteropServices (4.3) - restriction: || (&& (== net46) (< net45)) (&& (== net46) (>= netcoreapp5.0)) (== netcoreapp3.1) (== netstandard2.0)
      Microsoft.NETCore.Platforms (>= 1.1) - restriction: || (&& (== net46) (< net45)) (&& (== net46) (>= netcoreapp1.1)) (== netcoreapp3.1) (== netstandard2.0)
      Microsoft.NETCore.Targets (>= 1.1) - restriction: || (&& (== net46) (< net45)) (&& (== net46) (>= netcoreapp1.1)) (== netcoreapp3.1) (== netstandard2.0)
      System.Reflection (>= 4.3) - restriction: || (&& (== net46) (< net45)) (&& (== net46) (>= netcoreapp1.1)) (== netcoreapp3.1) (== netstandard2.0)
      System.Reflection.Primitives (>= 4.3) - restriction: || (&& (== net46) (< net45)) (&& (== net46) (>= netcoreapp1.1)) (== netcoreapp3.1) (== netstandard2.0)
      System.Runtime (>= 4.3) - restriction: || (&& (== net46) (< net45)) (&& (== net46) (>= net462)) (&& (== net46) (>= netcoreapp1.1)) (== netcoreapp3.1) (== netstandard2.0)
      System.Runtime.Handles (>= 4.3) - restriction: || (&& (== net46) (< net45)) (&& (== net46) (>= netcoreapp1.1)) (== netcoreapp3.1) (== netstandard2.0)
    System.Runtime.Numerics (4.3) - restriction: || (&& (== net46) (< net45) (>= netstandard1.6)) (== netcoreapp3.1) (== netstandard2.0)
      System.Globalization (>= 4.3) - restriction: || (&& (== net46) (< net45)) (&& (== net46) (>= netcoreapp5.0)) (== netcoreapp3.1) (== netstandard2.0)
      System.Resources.ResourceManager (>= 4.3) - restriction: || (&& (== net46) (< net45)) (&& (== net46) (>= netcoreapp5.0)) (== netcoreapp3.1) (== netstandard2.0)
      System.Runtime (>= 4.3) - restriction: || (&& (== net46) (< net45)) (&& (== net46) (>= netcoreapp5.0)) (== netcoreapp3.1) (== netstandard2.0)
      System.Runtime.Extensions (>= 4.3) - restriction: || (&& (== net46) (< net45)) (&& (== net46) (>= netcoreapp5.0)) (== netcoreapp3.1) (== netstandard2.0)
    System.Security.Cryptography.Algorithms (4.3.1)
      Microsoft.NETCore.Platforms (>= 1.1) - restriction: || (&& (== net46) (>= netcoreapp5.0)) (== netcoreapp3.1) (== netstandard2.0)
      runtime.native.System.Security.Cryptography.Apple (>= 4.3.1) - restriction: || (== netcoreapp3.1) (== netstandard2.0)
      runtime.native.System.Security.Cryptography.OpenSsl (>= 4.3.2) - restriction: || (== netcoreapp3.1) (== netstandard2.0)
      System.Collections (>= 4.3) - restriction: || (== netcoreapp3.1) (== netstandard2.0)
      System.IO (>= 4.3) - restriction: || (&& (== net46) (>= net463)) (&& (== net46) (>= netcoreapp5.0)) (== netcoreapp3.1) (== netstandard2.0)
      System.Resources.ResourceManager (>= 4.3) - restriction: || (&& (== net46) (>= netcoreapp5.0)) (== netcoreapp3.1) (== netstandard2.0)
      System.Runtime (>= 4.3) - restriction: || (&& (== net46) (>= net463)) (&& (== net46) (>= netcoreapp5.0)) (== netcoreapp3.1) (== netstandard2.0)
      System.Runtime.Extensions (>= 4.3) - restriction: || (&& (== net46) (>= netcoreapp5.0)) (== netcoreapp3.1) (== netstandard2.0)
      System.Runtime.Handles (>= 4.3) - restriction: || (&& (== net46) (>= netcoreapp5.0)) (== netcoreapp3.1) (== netstandard2.0)
      System.Runtime.InteropServices (>= 4.3) - restriction: || (&& (== net46) (>= netcoreapp5.0)) (== netcoreapp3.1) (== netstandard2.0)
      System.Runtime.Numerics (>= 4.3) - restriction: || (== netcoreapp3.1) (== netstandard2.0)
      System.Security.Cryptography.Encoding (>= 4.3) - restriction: || (&& (== net46) (>= net463)) (&& (== net46) (>= netcoreapp5.0)) (== netcoreapp3.1) (== netstandard2.0)
      System.Security.Cryptography.Primitives (>= 4.3)
      System.Text.Encoding (>= 4.3) - restriction: || (&& (== net46) (>= netcoreapp5.0)) (== netcoreapp3.1) (== netstandard2.0)
    System.Security.Cryptography.Cng (4.7) - restriction: || (&& (== net46) (>= netcoreapp5.0)) (== netcoreapp3.1) (== netstandard2.0)
    System.Security.Cryptography.Csp (4.3) - restriction: || (== netcoreapp3.1) (== netstandard2.0)
      Microsoft.NETCore.Platforms (>= 1.1) - restriction: || (== netcoreapp3.1) (== netstandard2.0)
      System.IO (>= 4.3) - restriction: || (== netcoreapp3.1) (== netstandard2.0)
      System.Reflection (>= 4.3) - restriction: || (== netcoreapp3.1) (== netstandard2.0)
      System.Resources.ResourceManager (>= 4.3) - restriction: || (== netcoreapp3.1) (== netstandard2.0)
      System.Runtime (>= 4.3) - restriction: || (== netcoreapp3.1) (== netstandard2.0)
      System.Runtime.Extensions (>= 4.3) - restriction: || (== netcoreapp3.1) (== netstandard2.0)
      System.Runtime.Handles (>= 4.3) - restriction: || (== netcoreapp3.1) (== netstandard2.0)
      System.Runtime.InteropServices (>= 4.3) - restriction: || (== netcoreapp3.1) (== netstandard2.0)
      System.Security.Cryptography.Algorithms (>= 4.3)
      System.Security.Cryptography.Encoding (>= 4.3) - restriction: || (== netcoreapp3.1) (== netstandard2.0)
      System.Security.Cryptography.Primitives (>= 4.3)
      System.Text.Encoding (>= 4.3) - restriction: || (== netcoreapp3.1) (== netstandard2.0)
      System.Threading (>= 4.3) - restriction: || (== netcoreapp3.1) (== netstandard2.0)
    System.Security.Cryptography.Encoding (4.3)
      Microsoft.NETCore.Platforms (>= 1.1) - restriction: || (== netcoreapp3.1) (== netstandard2.0)
      runtime.native.System.Security.Cryptography.OpenSsl (>= 4.3) - restriction: || (== netcoreapp3.1) (== netstandard2.0)
      System.Collections (>= 4.3) - restriction: || (== netcoreapp3.1) (== netstandard2.0)
      System.Collections.Concurrent (>= 4.3) - restriction: || (== netcoreapp3.1) (== netstandard2.0)
      System.Linq (>= 4.3) - restriction: || (== netcoreapp3.1) (== netstandard2.0)
      System.Resources.ResourceManager (>= 4.3) - restriction: || (== netcoreapp3.1) (== netstandard2.0)
      System.Runtime (>= 4.3) - restriction: || (== netcoreapp3.1) (== netstandard2.0)
      System.Runtime.Extensions (>= 4.3) - restriction: || (== netcoreapp3.1) (== netstandard2.0)
      System.Runtime.Handles (>= 4.3) - restriction: || (== netcoreapp3.1) (== netstandard2.0)
      System.Runtime.InteropServices (>= 4.3) - restriction: || (== netcoreapp3.1) (== netstandard2.0)
      System.Security.Cryptography.Primitives (>= 4.3) - restriction: || (== netcoreapp3.1) (== netstandard2.0)
      System.Text.Encoding (>= 4.3) - restriction: || (== netcoreapp3.1) (== netstandard2.0)
    System.Security.Cryptography.OpenSsl (4.7) - restriction: || (&& (== net46) (< net45) (>= netstandard1.6)) (== netcoreapp3.1) (== netstandard2.0)
    System.Security.Cryptography.Primitives (4.3) - restriction: || (&& (== net46) (< net45) (>= netstandard1.6)) (== netcoreapp3.1) (== netstandard2.0)
      System.Diagnostics.Debug (>= 4.3) - restriction: || (== netcoreapp3.1) (== netstandard2.0)
      System.Globalization (>= 4.3) - restriction: || (== netcoreapp3.1) (== netstandard2.0)
      System.IO (>= 4.3) - restriction: || (== netcoreapp3.1) (== netstandard2.0)
      System.Resources.ResourceManager (>= 4.3) - restriction: || (== netcoreapp3.1) (== netstandard2.0)
      System.Runtime (>= 4.3) - restriction: || (== netcoreapp3.1) (== netstandard2.0)
      System.Threading (>= 4.3) - restriction: || (== netcoreapp3.1) (== netstandard2.0)
      System.Threading.Tasks (>= 4.3) - restriction: || (== netcoreapp3.1) (== netstandard2.0)
    System.Security.Cryptography.X509Certificates (4.3.2)
      Microsoft.NETCore.Platforms (>= 1.1) - restriction: || (&& (== net46) (>= netcoreapp5.0)) (== netcoreapp3.1) (== netstandard2.0)
      runtime.native.System (>= 4.3) - restriction: || (== netcoreapp3.1) (== netstandard2.0)
      runtime.native.System.Net.Http (>= 4.3) - restriction: || (== netcoreapp3.1) (== netstandard2.0)
      runtime.native.System.Security.Cryptography.OpenSsl (>= 4.3.2) - restriction: || (== netcoreapp3.1) (== netstandard2.0)
      System.Collections (>= 4.3) - restriction: || (&& (== net46) (>= netcoreapp5.0)) (== netcoreapp3.1) (== netstandard2.0)
      System.Diagnostics.Debug (>= 4.3) - restriction: || (== netcoreapp3.1) (== netstandard2.0)
      System.Globalization (>= 4.3) - restriction: || (&& (== net46) (>= netcoreapp5.0)) (== netcoreapp3.1) (== netstandard2.0)
      System.Globalization.Calendars (>= 4.3) - restriction: || (&& (== net46) (>= netcoreapp5.0)) (== netcoreapp3.1) (== netstandard2.0)
      System.IO (>= 4.3) - restriction: || (&& (== net46) (>= netcoreapp5.0)) (== netcoreapp3.1) (== netstandard2.0)
      System.IO.FileSystem (>= 4.3) - restriction: || (&& (== net46) (>= netcoreapp5.0)) (== netcoreapp3.1) (== netstandard2.0)
      System.IO.FileSystem.Primitives (>= 4.3) - restriction: || (== netcoreapp3.1) (== netstandard2.0)
      System.Resources.ResourceManager (>= 4.3) - restriction: || (&& (== net46) (>= netcoreapp5.0)) (== netcoreapp3.1) (== netstandard2.0)
      System.Runtime (>= 4.3) - restriction: || (&& (== net46) (>= netcoreapp5.0)) (== netcoreapp3.1) (== netstandard2.0)
      System.Runtime.Extensions (>= 4.3) - restriction: || (&& (== net46) (>= netcoreapp5.0)) (== netcoreapp3.1) (== netstandard2.0)
      System.Runtime.Handles (>= 4.3) - restriction: || (&& (== net46) (>= netcoreapp5.0)) (== netcoreapp3.1) (== netstandard2.0)
      System.Runtime.InteropServices (>= 4.3) - restriction: || (&& (== net46) (>= netcoreapp5.0)) (== netcoreapp3.1) (== netstandard2.0)
      System.Runtime.Numerics (>= 4.3) - restriction: || (&& (== net46) (>= netcoreapp5.0)) (== netcoreapp3.1) (== netstandard2.0)
      System.Security.Cryptography.Algorithms (>= 4.3)
      System.Security.Cryptography.Cng (>= 4.3) - restriction: || (&& (== net46) (>= netcoreapp5.0)) (== netcoreapp3.1) (== netstandard2.0)
      System.Security.Cryptography.Csp (>= 4.3) - restriction: || (== netcoreapp3.1) (== netstandard2.0)
      System.Security.Cryptography.Encoding (>= 4.3)
      System.Security.Cryptography.OpenSsl (>= 4.3) - restriction: || (== netcoreapp3.1) (== netstandard2.0)
      System.Security.Cryptography.Primitives (>= 4.3) - restriction: || (&& (== net46) (>= netcoreapp5.0)) (== netcoreapp3.1) (== netstandard2.0)
      System.Text.Encoding (>= 4.3) - restriction: || (&& (== net46) (>= netcoreapp5.0)) (== netcoreapp3.1) (== netstandard2.0)
      System.Threading (>= 4.3) - restriction: || (&& (== net46) (>= netcoreapp5.0)) (== netcoreapp3.1) (== netstandard2.0)
    System.Text.Encoding (4.3) - restriction: || (&& (== net46) (< net45)) (&& (== net46) (>= netcoreapp5.0)) (== netcoreapp3.1) (== netstandard2.0)
      Microsoft.NETCore.Platforms (>= 1.1) - restriction: || (&& (== net46) (< net45)) (&& (== net46) (>= netcoreapp5.0)) (== netcoreapp3.1) (== netstandard2.0)
      Microsoft.NETCore.Targets (>= 1.1) - restriction: || (&& (== net46) (< net45)) (&& (== net46) (>= netcoreapp5.0)) (== netcoreapp3.1) (== netstandard2.0)
      System.Runtime (>= 4.3) - restriction: || (&& (== net46) (< net45)) (&& (== net46) (>= netcoreapp5.0)) (== netcoreapp3.1) (== netstandard2.0)
    System.Threading (4.3) - restriction: || (&& (== net46) (< net45)) (&& (== net46) (>= netcoreapp5.0)) (== netcoreapp3.1) (== netstandard2.0)
      System.Runtime (>= 4.3) - restriction: || (&& (== net46) (< net45)) (&& (== net46) (>= netcoreapp5.0)) (== netcoreapp3.1) (== netstandard2.0)
      System.Threading.Tasks (>= 4.3) - restriction: || (&& (== net46) (< net45)) (&& (== net46) (>= netcoreapp5.0)) (== netcoreapp3.1) (== netstandard2.0)
    System.Threading.Tasks (4.3) - restriction: || (&& (== net46) (< net45)) (&& (== net46) (>= netcoreapp5.0)) (== netcoreapp3.1) (== netstandard2.0)
      Microsoft.NETCore.Platforms (>= 1.1) - restriction: || (&& (== net46) (< net45)) (&& (== net46) (>= netcoreapp5.0)) (== netcoreapp3.1) (== netstandard2.0)
      Microsoft.NETCore.Targets (>= 1.1) - restriction: || (&& (== net46) (< net45)) (&& (== net46) (>= netcoreapp5.0)) (== netcoreapp3.1) (== netstandard2.0)
      System.Runtime (>= 4.3) - restriction: || (&& (== net46) (< net45)) (&& (== net46) (>= netcoreapp5.0)) (== netcoreapp3.1) (== netstandard2.0)
    YamlDotNet (8.1.2)
GITHUB
  remote: fsprojects/FSharp.TypeProviders.SDK
    src/ProvidedTypes.fs (41b91efaaaebe2782472b283c0c716cbcb0bbe75)
    src/ProvidedTypes.fsi (41b91efaaaebe2782472b283c0c716cbcb0bbe75)
  remote: fsharp/FSharp.Data
    src/CommonRuntime/NameUtils.fs (545c0eb89547e7ad29657bd18ec7a4df3b78c292)
    src/CommonRuntime/Pluralizer.fs (545c0eb89547e7ad29657bd18ec7a4df3b78c292)
GROUP Server
RESTRICTION: == netcoreapp3.1
NUGET
  remote: https://api.nuget.org/v3/index.json
    FSharp.Core (4.7.2)
    Microsoft.AspNetCore (2.2)
      Microsoft.AspNetCore.Diagnostics (>= 2.2)
      Microsoft.AspNetCore.HostFiltering (>= 2.2)
      Microsoft.AspNetCore.Hosting (>= 2.2)
      Microsoft.AspNetCore.Routing (>= 2.2)
      Microsoft.AspNetCore.Server.IIS (>= 2.2)
      Microsoft.AspNetCore.Server.IISIntegration (>= 2.2)
      Microsoft.AspNetCore.Server.Kestrel (>= 2.2)
      Microsoft.AspNetCore.Server.Kestrel.Https (>= 2.2)
      Microsoft.Extensions.Configuration.CommandLine (>= 2.2)
      Microsoft.Extensions.Configuration.EnvironmentVariables (>= 2.2)
      Microsoft.Extensions.Configuration.FileExtensions (>= 2.2)
      Microsoft.Extensions.Configuration.Json (>= 2.2)
      Microsoft.Extensions.Configuration.UserSecrets (>= 2.2)
      Microsoft.Extensions.Logging (>= 2.2)
      Microsoft.Extensions.Logging.Configuration (>= 2.2)
      Microsoft.Extensions.Logging.Console (>= 2.2)
      Microsoft.Extensions.Logging.Debug (>= 2.2)
      Microsoft.Extensions.Logging.EventSource (>= 2.2)
    Microsoft.AspNetCore.Antiforgery (2.2)
      Microsoft.AspNetCore.DataProtection (>= 2.2)
      Microsoft.AspNetCore.Http.Abstractions (>= 2.2)
      Microsoft.AspNetCore.Http.Extensions (>= 2.2)
      Microsoft.AspNetCore.WebUtilities (>= 2.2)
      Microsoft.Extensions.ObjectPool (>= 2.2)
    Microsoft.AspNetCore.Authentication.Abstractions (2.2)
      Microsoft.AspNetCore.Http.Abstractions (>= 2.2)
      Microsoft.Extensions.Logging.Abstractions (>= 2.2)
      Microsoft.Extensions.Options (>= 2.2)
    Microsoft.AspNetCore.Authentication.Core (2.2)
      Microsoft.AspNetCore.Authentication.Abstractions (>= 2.2)
      Microsoft.AspNetCore.Http (>= 2.2)
      Microsoft.AspNetCore.Http.Extensions (>= 2.2)
    Microsoft.AspNetCore.Authorization (3.1.4)
      Microsoft.AspNetCore.Metadata (>= 3.1.4)
      Microsoft.Extensions.Logging.Abstractions (>= 3.1.4)
      Microsoft.Extensions.Options (>= 3.1.4)
    Microsoft.AspNetCore.Authorization.Policy (2.2)
      Microsoft.AspNetCore.Authentication.Abstractions (>= 2.2)
      Microsoft.AspNetCore.Authorization (>= 2.2)
    Microsoft.AspNetCore.Connections.Abstractions (3.1.4)
      Microsoft.AspNetCore.Http.Features (>= 3.1.4)
      System.IO.Pipelines (>= 4.7.1)
    Microsoft.AspNetCore.Cors (2.2)
      Microsoft.AspNetCore.Http.Extensions (>= 2.2)
      Microsoft.Extensions.Configuration.Abstractions (>= 2.2)
      Microsoft.Extensions.DependencyInjection.Abstractions (>= 2.2)
      Microsoft.Extensions.Logging.Abstractions (>= 2.2)
      Microsoft.Extensions.Options (>= 2.2)
    Microsoft.AspNetCore.Cryptography.Internal (3.1.4)
    Microsoft.AspNetCore.DataProtection (3.1.4)
      Microsoft.AspNetCore.Cryptography.Internal (>= 3.1.4)
      Microsoft.AspNetCore.DataProtection.Abstractions (>= 3.1.4)
      Microsoft.Extensions.DependencyInjection.Abstractions (>= 3.1.4)
      Microsoft.Extensions.Hosting.Abstractions (>= 3.1.4)
      Microsoft.Extensions.Logging.Abstractions (>= 3.1.4)
      Microsoft.Extensions.Options (>= 3.1.4)
      Microsoft.Win32.Registry (>= 4.7)
      System.Security.Cryptography.Xml (>= 4.7)
    Microsoft.AspNetCore.DataProtection.Abstractions (3.1.4)
    Microsoft.AspNetCore.Diagnostics (2.2)
      Microsoft.AspNetCore.Diagnostics.Abstractions (>= 2.2)
      Microsoft.AspNetCore.Hosting.Abstractions (>= 2.2)
      Microsoft.AspNetCore.Http.Extensions (>= 2.2)
      Microsoft.AspNetCore.WebUtilities (>= 2.2)
      Microsoft.Extensions.FileProviders.Physical (>= 2.2)
      Microsoft.Extensions.Logging.Abstractions (>= 2.2)
      Microsoft.Extensions.Options (>= 2.2)
      System.Diagnostics.DiagnosticSource (>= 4.5)
      System.Reflection.Metadata (>= 1.6)
    Microsoft.AspNetCore.Diagnostics.Abstractions (2.2)
    Microsoft.AspNetCore.HostFiltering (2.2)
      Microsoft.AspNetCore.Hosting.Abstractions (>= 2.2)
      Microsoft.AspNetCore.Http (>= 2.2)
      Microsoft.AspNetCore.Http.Extensions (>= 2.2)
      Microsoft.Extensions.Options (>= 2.2)
    Microsoft.AspNetCore.Hosting (2.2.7)
      Microsoft.AspNetCore.Hosting.Abstractions (>= 2.2)
      Microsoft.AspNetCore.Http (>= 2.2)
      Microsoft.AspNetCore.Http.Extensions (>= 2.2)
      Microsoft.Extensions.Configuration (>= 2.2)
      Microsoft.Extensions.Configuration.EnvironmentVariables (>= 2.2.4)
      Microsoft.Extensions.Configuration.FileExtensions (>= 2.2)
      Microsoft.Extensions.DependencyInjection (>= 2.2)
      Microsoft.Extensions.FileProviders.Physical (>= 2.2)
      Microsoft.Extensions.Hosting.Abstractions (>= 2.2)
      Microsoft.Extensions.Logging (>= 2.2)
      Microsoft.Extensions.Options (>= 2.2)
      System.Diagnostics.DiagnosticSource (>= 4.5.1)
      System.Reflection.Metadata (>= 1.6)
    Microsoft.AspNetCore.Hosting.Abstractions (2.2)
      Microsoft.AspNetCore.Hosting.Server.Abstractions (>= 2.2)
      Microsoft.AspNetCore.Http.Abstractions (>= 2.2)
      Microsoft.Extensions.Hosting.Abstractions (>= 2.2)
    Microsoft.AspNetCore.Hosting.Server.Abstractions (2.2)
      Microsoft.AspNetCore.Http.Features (>= 2.2)
      Microsoft.Extensions.Configuration.Abstractions (>= 2.2)
    Microsoft.AspNetCore.Html.Abstractions (2.2)
      System.Text.Encodings.Web (>= 4.5)
    Microsoft.AspNetCore.Http (2.2.2)
      Microsoft.AspNetCore.Http.Abstractions (>= 2.2)
      Microsoft.AspNetCore.WebUtilities (>= 2.2)
      Microsoft.Extensions.ObjectPool (>= 2.2)
      Microsoft.Extensions.Options (>= 2.2)
      Microsoft.Net.Http.Headers (>= 2.2)
    Microsoft.AspNetCore.Http.Abstractions (2.2)
      Microsoft.AspNetCore.Http.Features (>= 2.2)
      System.Text.Encodings.Web (>= 4.5)
    Microsoft.AspNetCore.Http.Extensions (2.2)
      Microsoft.AspNetCore.Http.Abstractions (>= 2.2)
      Microsoft.Extensions.FileProviders.Abstractions (>= 2.2)
      Microsoft.Net.Http.Headers (>= 2.2)
      System.Buffers (>= 4.5)
    Microsoft.AspNetCore.Http.Features (3.1.4)
      Microsoft.Extensions.Primitives (>= 3.1.4)
      System.IO.Pipelines (>= 4.7.1)
    Microsoft.AspNetCore.HttpOverrides (2.2)
      Microsoft.AspNetCore.Http.Extensions (>= 2.2)
      Microsoft.Extensions.Logging.Abstractions (>= 2.2)
      Microsoft.Extensions.Options (>= 2.2)
    Microsoft.AspNetCore.HttpsPolicy (2.2)
      Microsoft.AspNetCore.Hosting.Abstractions (>= 2.2)
      Microsoft.AspNetCore.Http (>= 2.2)
      Microsoft.AspNetCore.Http.Extensions (>= 2.2)
      Microsoft.Extensions.Configuration.Binder (>= 2.2)
      Microsoft.Extensions.Options (>= 2.2)
    Microsoft.AspNetCore.JsonPatch (3.1.4)
      Microsoft.CSharp (>= 4.7)
      Newtonsoft.Json (>= 12.0.2)
    Microsoft.AspNetCore.Localization (2.2)
      Microsoft.AspNetCore.Http.Extensions (>= 2.2)
      Microsoft.Extensions.Localization.Abstractions (>= 2.2)
      Microsoft.Extensions.Logging.Abstractions (>= 2.2)
      Microsoft.Extensions.Options (>= 2.2)
    Microsoft.AspNetCore.Metadata (3.1.4)
    Microsoft.AspNetCore.Mvc (2.2)
      Microsoft.AspNetCore.Mvc.Analyzers (>= 2.2)
      Microsoft.AspNetCore.Mvc.ApiExplorer (>= 2.2)
      Microsoft.AspNetCore.Mvc.Cors (>= 2.2)
      Microsoft.AspNetCore.Mvc.DataAnnotations (>= 2.2)
      Microsoft.AspNetCore.Mvc.Formatters.Json (>= 2.2)
      Microsoft.AspNetCore.Mvc.Localization (>= 2.2)
      Microsoft.AspNetCore.Mvc.Razor.Extensions (>= 2.2)
      Microsoft.AspNetCore.Mvc.RazorPages (>= 2.2)
      Microsoft.AspNetCore.Mvc.TagHelpers (>= 2.2)
      Microsoft.AspNetCore.Mvc.ViewFeatures (>= 2.2)
      Microsoft.AspNetCore.Razor.Design (>= 2.2)
      Microsoft.Extensions.Caching.Memory (>= 2.2)
      Microsoft.Extensions.DependencyInjection (>= 2.2)
    Microsoft.AspNetCore.Mvc.Abstractions (2.2)
      Microsoft.AspNetCore.Routing.Abstractions (>= 2.2)
      Microsoft.Net.Http.Headers (>= 2.2)
    Microsoft.AspNetCore.Mvc.Analyzers (2.2)
    Microsoft.AspNetCore.Mvc.ApiExplorer (2.2)
      Microsoft.AspNetCore.Mvc.Core (>= 2.2)
    Microsoft.AspNetCore.Mvc.Core (2.2.5)
      Microsoft.AspNetCore.Authentication.Core (>= 2.2)
      Microsoft.AspNetCore.Authorization.Policy (>= 2.2)
      Microsoft.AspNetCore.Hosting.Abstractions (>= 2.2)
      Microsoft.AspNetCore.Http (>= 2.2)
      Microsoft.AspNetCore.Http.Extensions (>= 2.2)
      Microsoft.AspNetCore.Mvc.Abstractions (>= 2.2)
      Microsoft.AspNetCore.ResponseCaching.Abstractions (>= 2.2)
      Microsoft.AspNetCore.Routing (>= 2.2)
      Microsoft.AspNetCore.Routing.Abstractions (>= 2.2)
      Microsoft.Extensions.DependencyInjection (>= 2.2)
      Microsoft.Extensions.DependencyModel (>= 2.1)
      Microsoft.Extensions.FileProviders.Abstractions (>= 2.2)
      Microsoft.Extensions.Logging.Abstractions (>= 2.2)
      System.Diagnostics.DiagnosticSource (>= 4.5)
      System.Threading.Tasks.Extensions (>= 4.5.1)
    Microsoft.AspNetCore.Mvc.Cors (2.2)
      Microsoft.AspNetCore.Cors (>= 2.2)
      Microsoft.AspNetCore.Mvc.Core (>= 2.2)
    Microsoft.AspNetCore.Mvc.DataAnnotations (2.2)
      Microsoft.AspNetCore.Mvc.Core (>= 2.2)
      Microsoft.Extensions.Localization (>= 2.2)
      System.ComponentModel.Annotations (>= 4.5)
    Microsoft.AspNetCore.Mvc.Formatters.Json (2.2)
      Microsoft.AspNetCore.JsonPatch (>= 2.2)
      Microsoft.AspNetCore.Mvc.Core (>= 2.2)
    Microsoft.AspNetCore.Mvc.Localization (2.2)
      Microsoft.AspNetCore.Localization (>= 2.2)
      Microsoft.AspNetCore.Mvc.Razor (>= 2.2)
      Microsoft.Extensions.DependencyInjection (>= 2.2)
      Microsoft.Extensions.Localization (>= 2.2)
    Microsoft.AspNetCore.Mvc.NewtonsoftJson (3.1.4)
      Microsoft.AspNetCore.JsonPatch (>= 3.1.4)
      Newtonsoft.Json (>= 12.0.2)
      Newtonsoft.Json.Bson (>= 1.0.2)
    Microsoft.AspNetCore.Mvc.Razor (2.2)
      Microsoft.AspNetCore.Mvc.Razor.Extensions (>= 2.2)
      Microsoft.AspNetCore.Mvc.ViewFeatures (>= 2.2)
      Microsoft.AspNetCore.Razor.Runtime (>= 2.2)
      Microsoft.CodeAnalysis.CSharp (>= 2.8)
      Microsoft.CodeAnalysis.Razor (>= 2.2)
      Microsoft.Extensions.Caching.Memory (>= 2.2)
      Microsoft.Extensions.FileProviders.Composite (>= 2.2)
    Microsoft.AspNetCore.Mvc.Razor.Extensions (3.1.4)
      Microsoft.AspNetCore.Razor.Language (>= 3.1.4)
      Microsoft.CodeAnalysis.Razor (>= 3.1.4)
    Microsoft.AspNetCore.Mvc.RazorPages (2.2.5)
      Microsoft.AspNetCore.Mvc.Razor (>= 2.2)
    Microsoft.AspNetCore.Mvc.TagHelpers (2.2)
      Microsoft.AspNetCore.Mvc.Razor (>= 2.2)
      Microsoft.AspNetCore.Razor.Runtime (>= 2.2)
      Microsoft.AspNetCore.Routing.Abstractions (>= 2.2)
      Microsoft.Extensions.Caching.Memory (>= 2.2)
      Microsoft.Extensions.FileSystemGlobbing (>= 2.2)
      Microsoft.Extensions.Primitives (>= 2.2)
    Microsoft.AspNetCore.Mvc.ViewFeatures (2.2)
      Microsoft.AspNetCore.Antiforgery (>= 2.2)
      Microsoft.AspNetCore.Diagnostics.Abstractions (>= 2.2)
      Microsoft.AspNetCore.Html.Abstractions (>= 2.2)
      Microsoft.AspNetCore.Mvc.Core (>= 2.2)
      Microsoft.AspNetCore.Mvc.DataAnnotations (>= 2.2)
      Microsoft.AspNetCore.Mvc.Formatters.Json (>= 2.2)
      Microsoft.Extensions.WebEncoders (>= 2.2)
      Newtonsoft.Json.Bson (>= 1.0.1)
    Microsoft.AspNetCore.Razor (2.2)
      Microsoft.AspNetCore.Html.Abstractions (>= 2.2)
    Microsoft.AspNetCore.Razor.Design (2.2)
    Microsoft.AspNetCore.Razor.Language (3.1.4)
    Microsoft.AspNetCore.Razor.Runtime (2.2)
      Microsoft.AspNetCore.Html.Abstractions (>= 2.2)
      Microsoft.AspNetCore.Razor (>= 2.2)
    Microsoft.AspNetCore.ResponseCaching.Abstractions (2.2)
      Microsoft.Extensions.Primitives (>= 2.2)
    Microsoft.AspNetCore.Routing (2.2.2)
      Microsoft.AspNetCore.Http.Extensions (>= 2.2)
      Microsoft.AspNetCore.Routing.Abstractions (>= 2.2)
      Microsoft.Extensions.Logging.Abstractions (>= 2.2)
      Microsoft.Extensions.ObjectPool (>= 2.2)
      Microsoft.Extensions.Options (>= 2.2)
    Microsoft.AspNetCore.Routing.Abstractions (2.2)
      Microsoft.AspNetCore.Http.Abstractions (>= 2.2)
    Microsoft.AspNetCore.Server.IIS (2.2.6)
      Microsoft.AspNetCore.Authentication.Core (>= 2.2)
      Microsoft.AspNetCore.Connections.Abstractions (>= 2.2)
      Microsoft.AspNetCore.Hosting.Abstractions (>= 2.2)
      System.IO.Pipelines (>= 4.5.3)
      System.Security.Principal.Windows (>= 4.5)
    Microsoft.AspNetCore.Server.IISIntegration (2.2.1)
      Microsoft.AspNetCore.Authentication.Core (>= 2.2)
      Microsoft.AspNetCore.Hosting.Abstractions (>= 2.2)
      Microsoft.AspNetCore.Http (>= 2.2)
      Microsoft.AspNetCore.Http.Extensions (>= 2.2)
      Microsoft.AspNetCore.HttpOverrides (>= 2.2)
      Microsoft.Extensions.Logging.Abstractions (>= 2.2)
      Microsoft.Extensions.Options (>= 2.2)
      System.Buffers (>= 4.5)
      System.IO.Pipelines (>= 4.5.2)
      System.Memory (>= 4.5.1)
      System.Numerics.Vectors (>= 4.5)
      System.Runtime.CompilerServices.Unsafe (>= 4.5.1)
      System.Security.Principal.Windows (>= 4.5)
    Microsoft.AspNetCore.Server.Kestrel (2.2)
      Microsoft.AspNetCore.Hosting (>= 2.2)
      Microsoft.AspNetCore.Server.Kestrel.Core (>= 2.2)
      Microsoft.AspNetCore.Server.Kestrel.Https (>= 2.2)
      Microsoft.AspNetCore.Server.Kestrel.Transport.Sockets (>= 2.2)
    Microsoft.AspNetCore.Server.Kestrel.Core (2.2)
      Microsoft.AspNetCore.Hosting.Abstractions (>= 2.2)
      Microsoft.AspNetCore.Http (>= 2.2)
      Microsoft.AspNetCore.Server.Kestrel.Transport.Abstractions (>= 2.2)
      Microsoft.AspNetCore.WebUtilities (>= 2.2)
      Microsoft.Extensions.Configuration.Binder (>= 2.2)
      Microsoft.Extensions.Logging.Abstractions (>= 2.2)
      Microsoft.Extensions.Options (>= 2.2)
      Microsoft.Net.Http.Headers (>= 2.2)
      System.Memory (>= 4.5.1)
      System.Numerics.Vectors (>= 4.5)
      System.Runtime.CompilerServices.Unsafe (>= 4.5.1)
      System.Security.Cryptography.Cng (>= 4.5)
      System.Threading.Tasks.Extensions (>= 4.5.1)
    Microsoft.AspNetCore.Server.Kestrel.Https (2.2)
      Microsoft.AspNetCore.Http.Abstractions (>= 2.2)
      Microsoft.AspNetCore.Server.Kestrel.Core (>= 2.2)
    Microsoft.AspNetCore.Server.Kestrel.Transport.Abstractions (2.2)
      Microsoft.AspNetCore.Connections.Abstractions (>= 2.2)
    Microsoft.AspNetCore.Server.Kestrel.Transport.Sockets (2.2.1)
      Microsoft.AspNetCore.Hosting.Abstractions (>= 2.2)
      Microsoft.AspNetCore.Server.Kestrel.Transport.Abstractions (>= 2.2)
      Microsoft.Extensions.Options (>= 2.2)
    Microsoft.AspNetCore.WebUtilities (2.2)
      Microsoft.Net.Http.Headers (>= 2.2)
      System.Text.Encodings.Web (>= 4.5)
    Microsoft.CodeAnalysis.Analyzers (3.0)
    Microsoft.CodeAnalysis.Common (3.6)
      Microsoft.CodeAnalysis.Analyzers (>= 3.0)
      System.Collections.Immutable (>= 1.5)
      System.Memory (>= 4.5.3)
      System.Reflection.Metadata (>= 1.6)
      System.Runtime.CompilerServices.Unsafe (>= 4.7)
      System.Text.Encoding.CodePages (>= 4.5.1)
      System.Threading.Tasks.Extensions (>= 4.5.3)
    Microsoft.CodeAnalysis.CSharp (3.6)
      Microsoft.CodeAnalysis.Common (3.6)
    Microsoft.CodeAnalysis.Razor (3.1.4)
      Microsoft.AspNetCore.Razor.Language (>= 3.1.4)
      Microsoft.CodeAnalysis.Common (>= 3.3)
      Microsoft.CodeAnalysis.CSharp (>= 3.3)
    Microsoft.CSharp (4.7)
    Microsoft.Extensions.ApiDescription.Server (3.1.4)
    Microsoft.Extensions.Caching.Abstractions (3.1.4)
      Microsoft.Extensions.Primitives (>= 3.1.4)
    Microsoft.Extensions.Caching.Memory (3.1.4)
      Microsoft.Extensions.Caching.Abstractions (>= 3.1.4)
      Microsoft.Extensions.DependencyInjection.Abstractions (>= 3.1.4)
      Microsoft.Extensions.Logging.Abstractions (>= 3.1.4)
      Microsoft.Extensions.Options (>= 3.1.4)
    Microsoft.Extensions.Configuration (3.1.4)
      Microsoft.Extensions.Configuration.Abstractions (>= 3.1.4)
    Microsoft.Extensions.Configuration.Abstractions (3.1.4)
      Microsoft.Extensions.Primitives (>= 3.1.4)
    Microsoft.Extensions.Configuration.Binder (3.1.4)
      Microsoft.Extensions.Configuration (>= 3.1.4)
    Microsoft.Extensions.Configuration.CommandLine (3.1.4)
      Microsoft.Extensions.Configuration (>= 3.1.4)
    Microsoft.Extensions.Configuration.EnvironmentVariables (3.1.4)
      Microsoft.Extensions.Configuration (>= 3.1.4)
    Microsoft.Extensions.Configuration.FileExtensions (3.1.4)
      Microsoft.Extensions.Configuration (>= 3.1.4)
      Microsoft.Extensions.FileProviders.Physical (>= 3.1.4)
    Microsoft.Extensions.Configuration.Json (3.1.4)
      Microsoft.Extensions.Configuration (>= 3.1.4)
      Microsoft.Extensions.Configuration.FileExtensions (>= 3.1.4)
    Microsoft.Extensions.Configuration.UserSecrets (3.1.4)
      Microsoft.Extensions.Configuration.Json (>= 3.1.4)
    Microsoft.Extensions.DependencyInjection (3.1.4)
      Microsoft.Extensions.DependencyInjection.Abstractions (>= 3.1.4)
    Microsoft.Extensions.DependencyInjection.Abstractions (3.1.4)
    Microsoft.Extensions.DependencyModel (3.1.4)
      System.Text.Json (>= 4.7.2)
    Microsoft.Extensions.FileProviders.Abstractions (3.1.4)
      Microsoft.Extensions.Primitives (>= 3.1.4)
    Microsoft.Extensions.FileProviders.Composite (3.1.4)
      Microsoft.Extensions.FileProviders.Abstractions (>= 3.1.4)
    Microsoft.Extensions.FileProviders.Physical (3.1.4)
      Microsoft.Extensions.FileProviders.Abstractions (>= 3.1.4)
      Microsoft.Extensions.FileSystemGlobbing (>= 3.1.4)
    Microsoft.Extensions.FileSystemGlobbing (3.1.4)
    Microsoft.Extensions.Hosting.Abstractions (3.1.4)
      Microsoft.Extensions.Configuration.Abstractions (>= 3.1.4)
      Microsoft.Extensions.DependencyInjection.Abstractions (>= 3.1.4)
      Microsoft.Extensions.FileProviders.Abstractions (>= 3.1.4)
      Microsoft.Extensions.Logging.Abstractions (>= 3.1.4)
    Microsoft.Extensions.Localization (3.1.4)
      Microsoft.Extensions.DependencyInjection.Abstractions (>= 3.1.4)
      Microsoft.Extensions.Localization.Abstractions (>= 3.1.4)
      Microsoft.Extensions.Logging.Abstractions (>= 3.1.4)
      Microsoft.Extensions.Options (>= 3.1.4)
    Microsoft.Extensions.Localization.Abstractions (3.1.4)
    Microsoft.Extensions.Logging (3.1.4)
      Microsoft.Extensions.Configuration.Binder (>= 3.1.4)
      Microsoft.Extensions.DependencyInjection (>= 3.1.4)
      Microsoft.Extensions.Logging.Abstractions (>= 3.1.4)
      Microsoft.Extensions.Options (>= 3.1.4)
    Microsoft.Extensions.Logging.Abstractions (3.1.4)
    Microsoft.Extensions.Logging.Configuration (3.1.4)
      Microsoft.Extensions.Logging (>= 3.1.4)
      Microsoft.Extensions.Options.ConfigurationExtensions (>= 3.1.4)
    Microsoft.Extensions.Logging.Console (3.1.4)
      Microsoft.Extensions.Configuration.Abstractions (>= 3.1.4)
      Microsoft.Extensions.Logging (>= 3.1.4)
      Microsoft.Extensions.Logging.Configuration (>= 3.1.4)
    Microsoft.Extensions.Logging.Debug (3.1.4)
      Microsoft.Extensions.Logging (>= 3.1.4)
    Microsoft.Extensions.Logging.EventSource (3.1.4)
      Microsoft.Extensions.Logging (>= 3.1.4)
    Microsoft.Extensions.ObjectPool (3.1.4)
    Microsoft.Extensions.Options (3.1.4)
      Microsoft.Extensions.DependencyInjection.Abstractions (>= 3.1.4)
      Microsoft.Extensions.Primitives (>= 3.1.4)
    Microsoft.Extensions.Options.ConfigurationExtensions (3.1.4)
      Microsoft.Extensions.Configuration.Abstractions (>= 3.1.4)
      Microsoft.Extensions.Configuration.Binder (>= 3.1.4)
      Microsoft.Extensions.DependencyInjection.Abstractions (>= 3.1.4)
      Microsoft.Extensions.Options (>= 3.1.4)
    Microsoft.Extensions.Primitives (3.1.4)
    Microsoft.Extensions.WebEncoders (3.1.4)
      Microsoft.Extensions.DependencyInjection.Abstractions (>= 3.1.4)
      Microsoft.Extensions.Options (>= 3.1.4)
    Microsoft.Net.Http.Headers (2.2.8)
      Microsoft.Extensions.Primitives (>= 2.2)
      System.Buffers (>= 4.5)
    Microsoft.NETCore.Platforms (3.1.1)
    Microsoft.OpenApi (1.1.4)
    Microsoft.Win32.Registry (4.7)
      System.Security.AccessControl (>= 4.7)
      System.Security.Principal.Windows (>= 4.7)
    Microsoft.Win32.SystemEvents (4.7)
      Microsoft.NETCore.Platforms (>= 3.1)
    Newtonsoft.Json (12.0.3)
    Newtonsoft.Json.Bson (1.0.2)
      Newtonsoft.Json (>= 12.0.1)
    Swashbuckle.AspNetCore (5.4.1)
      Microsoft.Extensions.ApiDescription.Server (>= 3.0)
      Swashbuckle.AspNetCore.Swagger (>= 5.4.1)
      Swashbuckle.AspNetCore.SwaggerGen (>= 5.4.1)
      Swashbuckle.AspNetCore.SwaggerUI (>= 5.4.1)
    Swashbuckle.AspNetCore.Swagger (5.4.1)
      Microsoft.OpenApi (>= 1.1.4)
    Swashbuckle.AspNetCore.SwaggerGen (5.4.1)
      Swashbuckle.AspNetCore.Swagger (>= 5.4.1)
    Swashbuckle.AspNetCore.SwaggerUI (5.4.1)
    System.Buffers (4.5.1)
    System.Collections.Immutable (1.7.1)
    System.ComponentModel.Annotations (4.7)
    System.Diagnostics.DiagnosticSource (4.7.1)
    System.Drawing.Common (4.7)
      Microsoft.NETCore.Platforms (>= 3.1)
      Microsoft.Win32.SystemEvents (>= 4.7)
    System.IO.Pipelines (4.7.2)
    System.Memory (4.5.4)
    System.Numerics.Vectors (4.5)
    System.Reflection.Metadata (1.8.1)
    System.Runtime.CompilerServices.Unsafe (4.7.1)
    System.Security.AccessControl (4.7)
      Microsoft.NETCore.Platforms (>= 3.1)
      System.Security.Principal.Windows (>= 4.7)
    System.Security.Cryptography.Cng (4.7)
    System.Security.Cryptography.Pkcs (4.7)
      System.Security.Cryptography.Cng (>= 4.7)
    System.Security.Cryptography.Xml (4.7)
      System.Security.Cryptography.Pkcs (>= 4.7)
      System.Security.Permissions (>= 4.7)
    System.Security.Permissions (4.7)
      System.Security.AccessControl (>= 4.7)
      System.Windows.Extensions (>= 4.7)
    System.Security.Principal.Windows (4.7)
    System.Text.Encoding.CodePages (4.7.1)
      Microsoft.NETCore.Platforms (>= 3.1.1)
    System.Text.Encodings.Web (4.7.1)
    System.Text.Json (4.7.2)
    System.Threading.Tasks.Extensions (4.5.4)
    System.Windows.Extensions (4.7)
      System.Drawing.Common (>= 4.7)

GROUP Test
RESTRICTION: == netcoreapp3.1
NUGET
  remote: https://api.nuget.org/v3/index.json
    Expecto (9.0)
      FSharp.Core (>= 4.6)
      Mono.Cecil (>= 0.11.2)
    FSharp.Compiler.Service (35.0) - redirects: force
      FSharp.Core (>= 4.6.2)
      System.Buffers (>= 4.5)
      System.Collections.Immutable (>= 1.5)
      System.Memory (>= 4.5.3)
      System.Reflection.Emit (>= 4.3)
      System.Reflection.Metadata (>= 1.6)
      System.Reflection.TypeExtensions (>= 4.3)
      System.Runtime.Loader (>= 4.0)
    FSharp.Core (4.7.2) - redirects: force
    Microsoft.NETCore.Platforms (3.1.1) - redirects: force
    Microsoft.NETCore.Targets (3.1) - redirects: force
    Mono.Cecil (0.11.2)
    System.Buffers (4.5.1) - redirects: force
    System.Collections.Immutable (1.7.1) - redirects: force
    System.IO (4.3) - redirects: force
      Microsoft.NETCore.Platforms (>= 1.1)
      Microsoft.NETCore.Targets (>= 1.1)
      System.Runtime (>= 4.3)
      System.Text.Encoding (>= 4.3)
      System.Threading.Tasks (>= 4.3)
    System.Memory (4.5.4) - redirects: force
    System.Reflection (4.3) - redirects: force
      Microsoft.NETCore.Platforms (>= 1.1)
      Microsoft.NETCore.Targets (>= 1.1)
      System.IO (>= 4.3)
      System.Reflection.Primitives (>= 4.3)
      System.Runtime (>= 4.3)
    System.Reflection.Emit (4.7) - redirects: force
    System.Reflection.Metadata (1.8.1) - redirects: force
    System.Reflection.Primitives (4.3) - redirects: force
      Microsoft.NETCore.Platforms (>= 1.1)
      Microsoft.NETCore.Targets (>= 1.1)
      System.Runtime (>= 4.3)
    System.Reflection.TypeExtensions (4.7) - redirects: force
    System.Runtime (4.3.1) - redirects: force
      Microsoft.NETCore.Platforms (>= 1.1.1)
      Microsoft.NETCore.Targets (>= 1.1.3)
    System.Runtime.Loader (4.3) - redirects: force
      System.IO (>= 4.3)
      System.Reflection (>= 4.3)
      System.Runtime (>= 4.3)
    System.Text.Encoding (4.3) - redirects: force
      Microsoft.NETCore.Platforms (>= 1.1)
      Microsoft.NETCore.Targets (>= 1.1)
      System.Runtime (>= 4.3)
    System.Threading.Tasks (4.3) - redirects: force
      Microsoft.NETCore.Platforms (>= 1.1)
      Microsoft.NETCore.Targets (>= 1.1)
      System.Runtime (>= 4.3)
