FRAMEWORK: >= NET45
NUGET
  remote: https://www.nuget.org/api/v2
    Newtonsoft.Json (9.0.1)
    YamlDotNet (4.0)
GITHUB
  remote: fsharp/FSharp.Data
    src/CommonRuntime/IO.fs (538137111c848572c4cc485bd971414718bfd2d3)
    src/CommonRuntime/NameUtils.fs (538137111c848572c4cc485bd971414718bfd2d3)
    src/CommonRuntime/Pluralizer.fs (538137111c848572c4cc485bd971414718bfd2d3)
    src/CommonRuntime/StructuralTypes.fs (538137111c848572c4cc485bd971414718bfd2d3)
    src/CommonRuntime/TextConversions.fs (538137111c848572c4cc485bd971414718bfd2d3)
    src/Json/JsonConversions.fs (538137111c848572c4cc485bd971414718bfd2d3)
    src/Json/JsonExtensions.fs (538137111c848572c4cc485bd971414718bfd2d3)
    src/Json/JsonValue.fs (538137111c848572c4cc485bd971414718bfd2d3)
    src/Net/Http.fs (538137111c848572c4cc485bd971414718bfd2d3)
    src/Net/UriUtils.fs (538137111c848572c4cc485bd971414718bfd2d3)
  remote: fsprojects/FSharp.TypeProviders.StarterPack
    src/ProvidedTypes.fs (dbbfb58d1238bf21c84c455451501c7f31ae95e1)
    src/ProvidedTypes.fsi (dbbfb58d1238bf21c84c455451501c7f31ae95e1)
    src/ProvidedTypesTesting.fs (dbbfb58d1238bf21c84c455451501c7f31ae95e1)
  remote: fsprojects/FSharp.Configuration
    src/FSharp.Configuration/TypeProviders.Helper.fs (e7d7bce7439ada291703fe85806ce00d1a898f2d)
GROUP Build
FRAMEWORK: NET45
NUGET
  remote: https://www.nuget.org/api/v2
    FAKE (4.39.1)
    FSharp.Compiler.Service (2.0.0.6)
    FSharp.Formatting (2.14.4)
      FSharp.Compiler.Service (2.0.0.6)
      FSharpVSPowerTools.Core (>= 2.3 < 2.4)
    FSharpVSPowerTools.Core (2.3)
      FSharp.Compiler.Service (>= 2.0.0.3)
    Octokit (0.22)
    SourceLink.Fake (1.1)
GITHUB
  remote: fsharp/FAKE
    modules/Octokit/Octokit.fsx (73589a85a5e30a2c78d61efccdd3446a99483142)
      Octokit (>= 0.20)
GROUP OWIN
FRAMEWORK: NET45
NUGET
  remote: https://www.nuget.org/api/v2
    FSharp.Core (4.0.0.1)
    Microsoft.AspNet.WebApi.Client (5.2.3)
      Newtonsoft.Json (>= 6.0.4)
    Microsoft.AspNet.WebApi.Core (5.2.3)
      Microsoft.AspNet.WebApi.Client (>= 5.2.3)
    Microsoft.AspNet.WebApi.Owin (5.2.3)
      Microsoft.AspNet.WebApi.Core (>= 5.2.3 < 5.3)
      Microsoft.Owin (>= 2.0.2)
      Owin (>= 1.0)
    Microsoft.AspNet.WebApi.OwinSelfHost (5.2.3)
      Microsoft.AspNet.WebApi.Owin (>= 5.2.3 < 5.3)
      Microsoft.Owin.Host.HttpListener (>= 2.0.2)
      Microsoft.Owin.Hosting (>= 2.0.2)
    Microsoft.Owin (3.0.1)
      Owin (>= 1.0)
    Microsoft.Owin.Host.HttpListener (3.0.1)
    Microsoft.Owin.Hosting (3.0.1)
      Microsoft.Owin (>= 3.0.1)
      Owin (>= 1.0)
    Newtonsoft.Json (9.0.1)
    Owin (1.0)
    Swashbuckle.Core (5.4)
      Microsoft.AspNet.WebApi.Core (>= 4.0.20710)

GROUP Test
FRAMEWORK: NET45
NUGET
  remote: https://www.nuget.org/api/v2
    FSharp.Compiler.Service (6.0.2)
      System.Collections.Immutable (>= 1.2)
      System.Reflection.Metadata (>= 1.4.1-beta-24227-04)
    FSharp.Data (2.3.2)
    NUnit (3.4.1)
    NUnit.Console (3.4.1)
      NUnit.ConsoleRunner (>= 3.4.1)
      NUnit.Extension.NUnitProjectLoader (>= 3.4.1)
      NUnit.Extension.NUnitV2Driver (>= 3.4.1)
      NUnit.Extension.NUnitV2ResultWriter (>= 3.4.1)
      NUnit.Extension.TeamCityEventListener (>= 1.0.1)
      NUnit.Extension.VSProjectLoader (>= 3.4.1)
    NUnit.ConsoleRunner (3.4.1)
    NUnit.Extension.NUnitProjectLoader (3.4.1)
    NUnit.Extension.NUnitV2Driver (3.4.1)
    NUnit.Extension.NUnitV2ResultWriter (3.4.1)
    NUnit.Extension.TeamCityEventListener (1.0.1)
    NUnit.Extension.VSProjectLoader (3.4.1)
    System.Collections.Immutable (1.2)
    System.Reflection.Metadata (1.4.1-beta-24227-04)
      System.Collections.Immutable (>= 1.2)
GITHUB
  remote: fsprojects/FsUnit
    src/FsUnit.NUnit/FsUnitTyped.fs (28c993616bf5c433343ed22b21c8d8ddf8a86b74)